GIT
  remote: git@github.com:moneyadviceservice/mas-assets
  revision: 1a2a449235eae7a589dbcf55c2107764a49fad5d
  specs:
    mas-assets (1.2.0)
      compass-rails
      google-analytics-rails
      sass
      sass-rails

GEM
  remote: https://rubygems.org/
  remote: http://gems.dev.mas.local/
  specs:
    action_plans (4.4.0.339)
      autoprefixer-rails
      dough-ruby (~> 5.0)
      draper
      hashie
      rails (>= 4, < 5)
      sass-rails
    actionmailer (4.2.7.1)
      actionpack (= 4.2.7.1)
      actionview (= 4.2.7.1)
      activejob (= 4.2.7.1)
      mail (~> 2.5, >= 2.5.4)
      rails-dom-testing (~> 1.0, >= 1.0.5)
    actionpack (4.2.7.1)
      actionview (= 4.2.7.1)
      activesupport (= 4.2.7.1)
      rack (~> 1.6)
      rack-test (~> 0.6.2)
      rails-dom-testing (~> 1.0, >= 1.0.5)
      rails-html-sanitizer (~> 1.0, >= 1.0.2)
    actionview (4.2.7.1)
      activesupport (= 4.2.7.1)
      builder (~> 3.1)
      erubis (~> 2.7.0)
      rails-dom-testing (~> 1.0, >= 1.0.5)
      rails-html-sanitizer (~> 1.0, >= 1.0.2)
    active_attr (0.10.0)
      activemodel (>= 3.0.2, < 5.1)
      activesupport (>= 3.0.2, < 5.1)
    active_model_serializers (0.9.7)
      activemodel (>= 3.2)
      concurrent-ruby (~> 1.0)
    activejob (4.2.7.1)
      activesupport (= 4.2.7.1)
      globalid (>= 0.3.0)
    activemodel (4.2.7.1)
      activesupport (= 4.2.7.1)
      builder (~> 3.1)
    activerecord (4.2.7.1)
      activemodel (= 4.2.7.1)
      activesupport (= 4.2.7.1)
      arel (~> 6.0)
    activerecord-session_store (1.0.0)
      actionpack (>= 4.0, < 5.1)
      activerecord (>= 4.0, < 5.1)
      multi_json (~> 1.11, >= 1.11.2)
      rack (>= 1.5.2, < 3)
      railties (>= 4.0, < 5.1)
    activesupport (4.2.7.1)
      i18n (~> 0.7)
      json (~> 1.7, >= 1.7.7)
      minitest (~> 5.1)
      thread_safe (~> 0.3, >= 0.3.4)
      tzinfo (~> 1.1)
    addressable (2.5.1)
      public_suffix (~> 2.0, >= 2.0.2)
    advice_plans (3.3.2.370)
      dough-ruby (~> 5.0)
      friendly_id (>= 5.1.0)
      hashie
      i18n-js (= 3.0.0.mas)
      jquery-rails-cdn
      kaminari (~> 0.16.1)
      meta-tags
      rails (>= 4, < 5)
      redcarpet (~> 3.2.0)
      sass-rails
      transitions (~> 0.1.11)
    aes (0.5.0)
    agreements (2.1.0.74)
      dough-ruby (~> 5.0)
      hashie (~> 2.0.5)
      meta-tags
      rails (>= 4, < 5)
      sass-rails
    angularjs-rails (1.2.26)
    arel (6.0.4)
    ast (2.3.0)
    autoprefixer-rails (6.7.7.2)
      execjs
    baby_cost_calculator (0.3.0)
      rails (>= 4, < 5)
    bcrypt (3.1.11)
    better_errors (2.1.1)
      coderay (>= 1.0.0)
      erubis (>= 2.6.6)
      rack (>= 0.9.0)
    bigdecimal (1.3.2)
    binding_of_caller (0.7.2)
      debug_inspector (>= 0.0.1)
    bowndler (1.0.2)
      thor
    budget_planner (4.7.0.765)
      i18n-js (= 3.0.0.mas)
      jquery-rails
      jquery-ui-rails (~> 4.0)
      js-routes (= 1.1.2)
      mas-mailer (~> 0.3)
      modernizr-rails (~> 2.6.2)
      rails (>= 4, < 5)
      sass-rails
      spreadsheet
    bugsnag (5.3.2)
    builder (3.2.3)
    byebug (9.0.6)
    capybara (2.14.0)
      addressable
      mime-types (>= 1.16)
      nokogiri (>= 1.3.3)
      rack (>= 1.0.0)
      rack-test (>= 0.5.4)
      xpath (~> 2.0)
    car_cost_tool (1.1.2.122)
      dough-ruby (~> 5.0)
      nokogiri
      rails (>= 4, < 5)
      rest-client
      roo (< 2.5.0)
      roo-xls (<= 1)
      sass-rails
    chai-jquery-rails (2.0.1)
      railties (>= 3.1)
      sprockets
    chronic (0.10.2)
    chunky_png (1.3.8)
    cliver (0.3.2)
    cocoon (1.2.9)
    codeclimate-test-reporter (0.6.0)
      simplecov (<= 0.13)
    coderay (1.1.1)
    coffee-rails (4.2.1)
      coffee-script (>= 2.2.0)
      railties (>= 4.0.0, < 5.2.x)
    coffee-script (2.4.1)
      coffee-script-source
      execjs
    coffee-script-source (1.12.2)
    compass (0.12.7)
      chunky_png (~> 1.2)
      fssm (>= 0.2.7)
      sass (~> 3.2.19)
    compass-rails (2.0.0)
      compass (>= 0.12.2)
    concurrent-ruby (1.0.5)
    contribution_calculator (0.1.0)
      rails (>= 4, < 5)
    cost_calculator_builder (0.4.2)
      bowndler
      dough-ruby (~> 5.0)
      friendly_id (>= 5.1.0)
      rails (>= 4, < 5)
    crack (0.4.3)
      safe_yaml (~> 1.0.0)
    cream (1.0.0)
      faraday (>= 0.9)
      faraday_middleware
      mechanize
    css_parser (1.3.7)
      addressable
    csslint_ruby (0.0.2)
      execjs
    cucumber (2.4.0)
      builder (>= 2.1.2)
      cucumber-core (~> 1.5.0)
      cucumber-wire (~> 0.0.1)
      diff-lcs (>= 1.1.3)
      gherkin (~> 4.0)
      multi_json (>= 1.7.5, < 2.0)
      multi_test (>= 0.1.2)
    cucumber-core (1.5.0)
      gherkin (~> 4.0)
    cucumber-rails (1.4.5)
      capybara (>= 1.1.2, < 3)
      cucumber (>= 1.3.8, < 4)
      mime-types (>= 1.16, < 4)
      nokogiri (~> 1.5)
      railties (>= 3, < 5.1)
    cucumber-wire (0.0.1)
    cutback_calculator (0.12.0)
      autoprefixer-rails
      dough-ruby (~> 5.0)
      meta-tags
      rails (>= 4, < 5)
      responders
      sass-rails
    database_cleaner (1.5.3)
    debt_advice_locator (2.3.1.104)
      active_attr
      active_model_serializers (< 0.10.0)
      addressable
      bcrypt
      coffee-rails
      dough-ruby (~> 5.0)
      draper (< 3)
      geokit-rails
      kaminari
      mas-templating (~> 1.0.0)
      rails (>= 4, < 5)
      redcarpet
      sass-rails
      validate_url
    debt_and_mental_health (1.3.1.39)
      bcrypt
      haml-rails
      jbuilder
      jquery-rails
      jquery-ui-rails (~> 4.0)
      rails (>= 4, < 5)
      ranked-model
      responders
      sass-rails
    debt_finance_calculator (1.1.0.8)
      bigdecimal (> 1.2.3)
    debt_free_day_calculator (2.3.1.168)
      autoprefixer-rails
      debt_finance_calculator (~> 1.1.0)
      dough-ruby (~> 5.0)
      draper (< 3)
      email_validator (~> 1.4.0)
      i18n-js (= 3.0.0.mas)
      jquery-rails
      meta-tags
      rails (>= 4, < 5)
      roadie (< 3)
      sass-rails
    debt_test (1.6.1.37)
      autoprefixer-rails
      dough-ruby (~> 5.0)
      historyjs-rails
      jquery-rails
      rails (>= 4, < 5)
      sass-rails
    debug_inspector (0.0.2)
    decision_trees (2.1.0.116)
      dough-ruby (~> 5.0)
      handlebars_assets (~> 0.13.0)
      htmlentities
      i18n-js
      jquery-rails
      meta-tags
      nokogiri
      rails (>= 4, < 5)
      sass-rails
    delayed_job (4.1.2)
      activesupport (>= 3.0, < 5.1)
    delayed_job_active_record (4.1.1)
      activerecord (>= 3.0, < 5.1)
      delayed_job (>= 3.0, < 5)
    devise (4.2.1)
      bcrypt (~> 3.0)
      orm_adapter (~> 0.1)
      railties (>= 4.1.0, < 5.1)
      responders
      warden (~> 1.2.3)
    devise-encryptable (0.2.0)
      devise (>= 2.1.0)
    diff-lcs (1.3)
    docile (1.1.5)
    domain_name (0.5.20170404)
      unf (>= 0.0.5, < 1.0.0)
    dotenv (2.2.1)
    dotenv-rails (2.2.1)
      dotenv (= 2.2.1)
      railties (>= 3.2, < 5.2)
    dough-ruby (5.21.0.285)
      activesupport
      rails (>= 3.2)
      sass-rails (~> 4.0.0)
    dragonfly (1.1.1)
      addressable (~> 2.3)
      multi_json (~> 1.0)
      rack (>= 1.3)
    draper (2.1.0)
      actionpack (>= 3.0)
      activemodel (>= 3.0)
      activesupport (>= 3.0)
      request_store (~> 1.0)
    ejs (1.1.1)
    email_spec (1.6.0)
      launchy (~> 2.1)
      mail (~> 2.2)
    email_validator (1.4.0)
      activemodel
    erubis (2.7.0)
    execjs (2.7.0)
    factory_girl (4.8.0)
      activesupport (>= 3.0.0)
    faker (1.7.3)
      i18n (~> 0.5)
    faraday (0.12.1)
      multipart-post (>= 1.2, < 3)
    faraday-conductivity (0.3.1)
      faraday (~> 0.8)
    faraday_middleware (0.11.0.1)
      faraday (>= 0.7.4, < 1.0)
    feature (1.4.0)
    feedback (0.4.0.49)
      delayed_job_active_record
      dough-ruby (~> 5.0)
      rails (>= 4, < 5)
    foreman (0.84.0)
      thor (~> 0.19.1)
    formtastic (2.3.1)
      actionpack (>= 3.0)
    formtastic-bootstrap (2.1.3)
      formtastic (~> 2.2)
    friendly_id (5.2.1)
      activerecord (>= 4.0.0)
    fssm (0.2.10)
    geokit (1.11.0)
    geokit-rails (2.2.0)
      geokit (~> 1.5)
      rails (>= 3.0)
    gherkin (4.1.1)
    globalid (0.4.0)
      activesupport (>= 4.2.0)
    google-analytics-rails (1.1.0)
    haml (5.0.0)
      temple (>= 0.8.0)
      tilt
    haml-rails (1.0.0)
      actionpack (>= 4.0.1)
      activesupport (>= 4.0.1)
      haml (>= 4.0.6, < 6.0)
      html2haml (>= 1.0.1)
      railties (>= 4.0.1)
    handlebars_assets (0.13.0)
      execjs (>= 1.2.9)
      sprockets (>= 2.0.3)
      tilt
    hashdiff (0.3.4)
    hashie (2.0.5)
    hike (1.2.3)
    historyjs-rails (1.0.1)
      railties (>= 3.0)
    html2haml (2.2.0)
      erubis (~> 2.7.0)
      haml (>= 4.0, < 6)
      nokogiri (>= 1.6.0)
      ruby_parser (~> 3.5)
    html_validation (1.1.3)
    htmlentities (4.3.4)
    http-cookie (1.0.3)
      domain_name (~> 0.5)
    i18n (0.8.1)
    i18n-js (3.0.0.mas)
      i18n
    icalendar (2.4.1)
    interception (0.5)
    jbuilder (2.6.3)
      activesupport (>= 3.0.0, < 5.2)
      multi_json (~> 1.2)
    jquery-rails (4.3.1)
      rails-dom-testing (>= 1, < 3)
      railties (>= 4.2.0)
      thor (>= 0.14, < 2.0)
    jquery-rails-cdn (1.1.2)
      jquery-rails
    jquery-ui-rails (4.2.1)
      railties (>= 3.2.16)
    js-routes (1.1.2)
      railties (>= 3.2)
      sprockets-rails
    jshint_ruby (0.1)
      execjs
    json (1.8.6)
    kaminari (0.16.3)
      actionpack (>= 3.0.0)
      activesupport (>= 3.0.0)
    kgio (2.11.0)
    kss (0.5.0)
    launchy (2.4.3)
      addressable (~> 2.3)
    letter_opener (1.4.1)
      launchy (~> 2.2)
    link_header (0.0.8)
    loofah (2.0.3)
      nokogiri (>= 1.5.9)
    mail (2.6.5)
      mime-types (>= 1.16, < 4)
    mailjet (1.4.12)
      activesupport (>= 3.1.0)
      rack (>= 1.4.0)
      rest-client
    mas-fonts (0.0.2.6)
      rails
    mas-mailer (0.3.2.15)
      delayed_job_active_record
      hashie
    mas-templating (1.0.0.18)
    mechanize (2.7.5)
      domain_name (~> 0.5, >= 0.5.1)
      http-cookie (~> 1.0)
      mime-types (>= 1.17.2)
      net-http-digest_auth (~> 1.1, >= 1.1.1)
      net-http-persistent (~> 2.5, >= 2.5.2)
      nokogiri (~> 1.6)
      ntlm-http (~> 0.1, >= 0.1.1)
      webrobots (>= 0.0.9, < 0.2)
    meta-tags (2.4.0)
      actionpack (>= 3.2.0, <= 5.1.0)
    method_source (0.8.2)
    mime-types (2.99.3)
    mini_portile2 (2.1.0)
    minitest (5.10.1)
    modernizr-rails (2.6.3)
    mortgage_calculator (1.9.1.679)
      angularjs-rails (~> 1.2.18)
      dough-ruby (~> 5.0)
      jquery-rails
      mas-fonts
      modernizr-rails
      rails (>= 4, < 5)
      sass-rails
      underscore-rails
    multi_json (1.12.1)
    multi_test (0.1.2)
    multipart-post (2.0.0)
    mysql2 (0.4.5)
    net-http-digest_auth (1.4.1)
    net-http-persistent (2.9.4)
    netrc (0.11.0)
    newrelic_rpm (4.1.0.333)
    nokogiri (1.7.1)
      mini_portile2 (~> 2.1.0)
    ntlm-http (0.1.1)
    nunes (0.5.0)
    opening_hours (0.0.7)
      activesupport
    orm_adapter (0.5.0)
    parser (2.4.0.0)
      ast (~> 2.2)
    payday_loans_intervention (1.7.0.265)
      autoprefixer-rails
      dough-ruby (~> 5.0)
      historyjs-rails
      jquery-rails
      rails (>= 4, < 5)
      sass-rails
    pensions_calculator (1.4.1.556)
      autoprefixer-rails
      dough-ruby (~> 5.0)
      meta-tags
      pensions_calculator-calculations (~> 1.5.0)
      rails (>= 4, < 5)
      responders
      sass-rails
      uglifier
    pensions_calculator-calculations (1.5.0.13)
      activesupport
    poltergeist (1.15.0)
      capybara (~> 2.1)
      cliver (~> 0.3.1)
      websocket-driver (>= 0.2.0)
    postcode_anywhere-email_validation (0.1.0)
      activemodel (>= 3.2)
      rest-client (~> 1.6)
    powerpack (0.1.1)
    pry (0.10.4)
      coderay (~> 1.1.0)
      method_source (~> 0.8.1)
      slop (~> 3.4)
    pry-rails (0.3.6)
      pry (>= 0.10.4)
    pry-rescue (1.4.5)
      interception (>= 0.5)
      pry
    psych (2.2.4)
    public_suffix (2.0.5)
    quiz (1.2.0.112)
      cocoon
      devise
      dragonfly (>= 1.0.0)
      formtastic-bootstrap (>= 2.1, < 3)
      friendly_id (>= 5.0)
      jquery-rails
      rails (>= 4, < 5)
    rack (1.6.5)
    rack-accept (0.4.5)
      rack (>= 0.4)
    rack-livereload (0.3.16)
      rack
    rack-test (0.6.3)
      rack (>= 1.0)
    rails (4.2.7.1)
      actionmailer (= 4.2.7.1)
      actionpack (= 4.2.7.1)
      actionview (= 4.2.7.1)
      activejob (= 4.2.7.1)
      activemodel (= 4.2.7.1)
      activerecord (= 4.2.7.1)
      activesupport (= 4.2.7.1)
      bundler (>= 1.3.0, < 2.0)
      railties (= 4.2.7.1)
      sprockets-rails
    rails-deprecated_sanitizer (1.0.3)
      activesupport (>= 4.2.0.alpha)
    rails-dom-testing (1.0.8)
      activesupport (>= 4.2.0.beta, < 5.0)
      nokogiri (~> 1.6)
      rails-deprecated_sanitizer (>= 1.0.1)
    rails-html-sanitizer (1.0.3)
      loofah (~> 2.0)
    railties (4.2.7.1)
      actionpack (= 4.2.7.1)
      activesupport (= 4.2.7.1)
      rake (>= 0.8.7)
      thor (>= 0.18.1, < 2.0)
    rainbow (2.2.2)
      rake
    raindrops (0.18.0)
    rake (12.0.0)
    ranked-model (0.4.0)
      activerecord (>= 3.1.12)
    rdoc (4.3.0)
    redcarpet (3.2.3)
    request_store (1.3.2)
    responders (2.4.0)
      actionpack (>= 4.2.0, < 5.3)
      railties (>= 4.2.0, < 5.3)
    rest-client (1.8.0)
      http-cookie (>= 1.0.2, < 2.0)
      mime-types (>= 1.16, < 3.0)
      netrc (~> 0.7)
    rio (1.18.0)
      bowndler
      dough-ruby
      pensions_calculator-calculations (~> 1.5.0)
      rails (>= 4, < 5)
    roadie (2.4.3)
      actionmailer (> 3.0.0, < 5.0.0)
      css_parser (~> 1.3.4)
      nokogiri (> 1.5.0)
      sprockets
    roo (2.4.0)
      nokogiri (~> 1)
      rubyzip (~> 1.1, < 2.0.0)
    roo-xls (1.0.0)
      nokogiri
      roo (>= 2.0.0beta1, < 3)
      spreadsheet (> 0.9.0)
    rouge (2.0.7)
    rspec (3.5.0)
      rspec-core (~> 3.5.0)
      rspec-expectations (~> 3.5.0)
      rspec-mocks (~> 3.5.0)
    rspec-core (3.5.4)
      rspec-support (~> 3.5.0)
    rspec-expectations (3.5.0)
      diff-lcs (>= 1.2.0, < 2.0)
      rspec-support (~> 3.5.0)
    rspec-html-matchers (0.9.1)
      nokogiri (~> 1)
      rspec (>= 3.0.0.a, < 4)
    rspec-mocks (3.5.0)
      diff-lcs (>= 1.2.0, < 2.0)
      rspec-support (~> 3.5.0)
    rspec-rails (3.5.2)
      actionpack (>= 3.0)
      activesupport (>= 3.0)
      railties (>= 3.0)
      rspec-core (~> 3.5.0)
      rspec-expectations (~> 3.5.0)
      rspec-mocks (~> 3.5.0)
      rspec-support (~> 3.5.0)
    rspec-support (3.5.0)
    rspec_junit_formatter (0.2.3)
      builder (< 4)
      rspec-core (>= 2, < 4, != 2.12.0)
    rubocop (0.48.1)
      parser (>= 2.3.3.1, < 3.0)
      powerpack (~> 0.1)
      rainbow (>= 1.99.1, < 3.0)
      ruby-progressbar (~> 1.7)
      unicode-display_width (~> 1.0, >= 1.0.1)
    ruby-ole (1.2.12.1)
    ruby-progressbar (1.8.1)
    ruby_parser (3.9.0)
      sexp_processor (~> 4.1)
    rubytree (0.9.7)
      json (~> 1.8)
      structured_warnings (~> 0.2)
    rubyzip (1.2.1)
    safe_yaml (1.0.4)
    sass (3.2.19)
    sass-rails (4.0.5)
      railties (>= 4.0.0, < 5.0)
      sass (~> 3.2.2)
      sprockets (~> 2.8, < 3.0)
      sprockets-rails (~> 2.0)
    savings_calculator (1.8.1.148)
      autoprefixer-rails
      dough-ruby (~> 5.0)
      jquery-rails
      mas-fonts
      meta-tags
      rails (>= 4, < 5)
      sass-rails
    sdoc (0.4.2)
      json (~> 1.7, >= 1.7.7)
      rdoc (~> 4.0)
    sexp_processor (4.9.0)
    shoulda-matchers (3.1.1)
      activesupport (>= 4.0.0)
    simplecov (0.13.0)
      docile (~> 1.1.0)
      json (>= 1.8, < 3)
      simplecov-html (~> 0.10.0)
    simplecov-html (0.10.0)
    site_prism (2.9)
      addressable (>= 2.3.3, < 3.0)
      capybara (>= 2.1, < 3.0)
    slop (3.6.0)
    spreadsheet (1.1.4)
      ruby-ole (>= 1.0)
    sprockets (2.12.4)
      hike (~> 1.2)
      multi_json (~> 1.0)
      rack (~> 1.0)
      tilt (~> 1.1, != 1.3.0)
    sprockets-rails (2.3.3)
      actionpack (>= 3.0)
      activesupport (>= 3.0)
      sprockets (>= 2.8, < 4.0)
    sqlite3 (1.3.13)
    statsd-ruby (1.4.0)
    structured_warnings (0.3.0)
    syslog-logger (1.6.8)
    temple (0.8.0)
    thor (0.19.4)
    thread_safe (0.3.6)
    tidy-html5 (0.1.2)
    tilt (1.4.1)
    timecop (0.8.1)
    timelines (1.4.0.306)
      bowndler
      icalendar
      jquery-rails
      mas-templating
      rails (>= 4, < 5)
      sass-rails
    transitions (0.1.13)
    turnout (2.4.0)
      i18n (~> 0.7)
      rack (>= 1.3, < 3)
      rack-accept (~> 0.4)
      tilt (>= 1.4, < 3)
    tzinfo (1.2.3)
      thread_safe (~> 0.1)
    uglifier (3.2.0)
      execjs (>= 0.3.0, < 3)
    underscore-rails (1.8.3)
    unf (0.1.4)
      unf_ext
    unf_ext (0.0.7.4)
    unicode-display_width (1.2.1)
    unicorn (5.3.0)
      kgio (~> 2.6)
      raindrops (~> 0.7)
    unicorn-rails (2.2.1)
      rack
      unicorn
    validate_url (1.0.0)
      activemodel (>= 3.0.0)
      addressable
    vcr (3.0.3)
    warden (1.2.7)
      rack (>= 1.0)
    webmock (3.0.1)
      addressable (>= 2.3.6)
      crack (>= 0.3.2)
      hashdiff
    webrobots (0.1.2)
    websocket-driver (0.6.5)
      websocket-extensions (>= 0.1.0)
    websocket-extensions (0.1.2)
    xpath (2.0.0)
      nokogiri (~> 1.3)

PLATFORMS
  ruby

DEPENDENCIES
  action_plans (~> 4.4.0)
  activerecord-session_store
  advice_plans (~> 3.3.1)
  aes
  agreements (~> 2.1.0)
  autoprefixer-rails
  baby_cost_calculator (~> 0.3.0)
  better_errors
  binding_of_caller
  bowndler (~> 1.0)
  budget_planner (~> 4.7.0)
  bugsnag
  byebug
  capybara
  car_cost_tool (~> 1.1.2)
  chai-jquery-rails
  chronic
  codeclimate-test-reporter
  contribution_calculator (~> 0.1.0)
  cost_calculator_builder (~> 0.4.2)
  cream (~> 1.0.0)
  csslint_ruby
  cucumber-rails
  cutback_calculator (~> 0.12.0)
  database_cleaner
  debt_advice_locator (~> 2.3.1)
  debt_and_mental_health (~> 1.3.1)
  debt_free_day_calculator (~> 2.3.1)
  debt_test (~> 1.6.0)
  decision_trees (~> 2.1.0)
  delayed_job_active_record
  devise (~> 4.2.0)
  devise-encryptable
  dotenv-rails
  dough-ruby (~> 5.21.0)
  draper (< 3)
  ejs
  email_spec (< 2)
  factory_girl
  faker
  faraday-conductivity
  faraday_middleware
  feature
  feedback (~> 0.4.0)
  foreman
  html_validation
  jshint_ruby
  kss
  letter_opener
  link_header
  mail
  mailjet
  mas-assets!
  meta-tags (~> 2.4)
  mortgage_calculator (~> 1.9.0)
  mysql2
  newrelic_rpm
  nokogiri
  nunes
  opening_hours
  payday_loans_intervention (~> 1.7.0)
  pensions_calculator (~> 1.4.1)
  poltergeist
  postcode_anywhere-email_validation
  pry-rails
  pry-rescue
  psych (>= 2.0.5)
  quiz (~> 1.2.0)!
  rack-livereload
  rails (= 4.2.7.1)
  redcarpet
  rio (= 1.18.0)!
  rouge
  rspec-html-matchers
  rspec-rails
  rspec_junit_formatter
  rubocop
  rubytree
  sass-rails
  savings_calculator (~> 1.8.1)
  sdoc
  shoulda-matchers
  site_prism
  sqlite3
  statsd-ruby
  syslog-logger
  tidy-html5
  timecop
  timelines (~> 1.4.0)
  turnout
  uglifier
  unicorn-rails
  validate_url (= 1.0.0)
  vcr
  webmock

BUNDLED WITH
   1.14.6
