GIT
  remote: git@github.com:chicks/aes.git
  revision: 001f77806a2cbef513315993e19a8f679f8f5786
  specs:
    aes (0.5.0)

GIT
  remote: git@github.com:moneyadviceservice/action_plans.git
  revision: dbb22ebc18f3146b410a23b431eb29f4832b7a05
  ref: dbb22eb
  branch: 12641_Add-Dough-PostMessages_v5.45
  specs:
    action_plans (6.0.0)
      autoprefixer-rails
      dough-ruby (~> 5.0)
      draper
      hashie
      rails (>= 4, < 5)
      sass-rails

GIT
  remote: git@github.com:moneyadviceservice/azure-activedirectory-library-for-ruby
  revision: 26f534a42d516dcdd13fe7fc82149b6d4bc9bebb
  specs:
    adal (1.1.0)
      jwt (~> 1.5)
      nokogiri (~> 1.6)
      uri_template (~> 0.7)

GIT
  remote: git@github.com:moneyadviceservice/budget_planner.git
  revision: 5de86dc53af8f04c3c97c7726f0cc01bcf8b78cf
  ref: 5de86dc
  branch: feature/ntt_moneyhelper_reskin
  specs:
    budget_planner (6.0.0)
      i18n-js (= 3.0.0.mas)
      js-routes (= 1.1.2)
      mas-mailer (~> 0.3)
      modernizr-rails (~> 2.6.2)
      rails (>= 4, < 5)
      sass-rails
      spreadsheet

GIT
  remote: git@github.com:moneyadviceservice/car_cost_tool.git
  revision: a2fd2878c7079178c290314e3a0be2f0e0af2266
  ref: a2fd287
  branch: feature/ntt_moneyhelper_reskin
  specs:
    car_cost_tool (2.0.0)
      dough-ruby (~> 5.36)
      nokogiri
      rails (>= 4, < 5)
      rest-client
      roo (< 2.5.0)
      roo-xls (<= 1)
      sass-rails

GIT
  remote: git@github.com:moneyadviceservice/cost_calculator_builder.git
  revision: de6d7e35dd7bd5eeb06d23bfb8dd24d8315a0d0d
  ref: de6d7e3
  branch: feature/ntt_moneyhelper_reskin
  specs:
    cost_calculator_builder (2.0.0)
      bowndler
      dough-ruby (~> 5.36)
      friendly_id (>= 5.1.0)
      rails (>= 4, < 5)

GIT
  remote: git@github.com:moneyadviceservice/debt-advice-locator.git
  revision: bcea22a539fc0f6cec4fbdbd2438fb67c5c43dc4
  ref: bcea22a
  branch: feature/ntt_moneyhelper_reskin
  specs:
    debt_advice_locator (4.1.0)
      active_attr
      active_model_serializers (< 0.10.0)
      addressable
      bcrypt
      coffee-rails
      dough-ruby (~> 5.36)
      draper (< 3)
      geokit-rails
      kaminari
      mas-templating (~> 1.0.0)
      rails (>= 4, < 5)
      redcarpet
      sass-rails (= 4.0.5)
      uk_postcode
      validate_url (= 1.0.0)

GIT
  remote: git@github.com:moneyadviceservice/debt_free_day_calculator
  revision: d165d1c26b7c399a93cb483b8cc6278b00552562
  ref: d165d1c
  branch: feature/ntt_moneyhelper_reskin
  specs:
    debt_free_day_calculator (3.1.0)
      autoprefixer-rails (< 9)
      bigdecimal (~> 1.3.0)
      debt_finance_calculator (~> 1.1.0)
      dough-ruby (~> 5.36)
      draper (< 3)
      email_validator (~> 1.4.0)
      i18n-js (= 3.0.0.mas)
      mas-fonts
      meta-tags
      rails (>= 4, < 5)
      roadie (< 3)
      sass-rails

GIT
  remote: git@github.com:moneyadviceservice/dough.git
  revision: 2294f781317831d6e64b33fd2d63474ccce3c05b
  ref: 2294f78
  branch: PostMessages_v5.45
  specs:
    dough-ruby (5.45.0)
      activemodel
      activesupport
      rails (>= 3.2, < 5.1.0)
      sass-rails

GIT
  remote: git@github.com:moneyadviceservice/mortgage_calculator.git
  revision: 15c58ed7241d58a95dbfc50c2a95a1e0224ac0f8
  ref: 15c58ed
  branch: feature/ntt_moneyhelper_reskin
  specs:
    mortgage_calculator (3.18.1)
      angularjs-rails (~> 1.2.18)
      dough-ruby (~> 5.36)
      mas-fonts
      modernizr-rails
      rails (>= 4, < 5)
      sass-rails
      sprockets (< 4)
      underscore-rails

GIT
  remote: git@github.com:moneyadviceservice/pensions_calculator.git
  revision: 9f0b4bb6c2403260d0daf14ae7dbb45f5623b888
  ref: 9f0b4bb
  branch: feature/NTT_Rebased
  specs:
    pensions_calculator (2.7.2)
      autoprefixer-rails
      dough-ruby (~> 5.36)
      meta-tags
      pensions_calculator-calculations (~> 3.0.2)
      rails (>= 4, < 5)
      responders
      sass-rails
      uglifier

GIT
  remote: git@github.com:moneyadviceservice/rio.git
  revision: cbc00d8ba801ee9446b2d0f73903f81a13017f05
  ref: cbc00d8
  branch: feature/ntt_moneyhelper_reskin
  specs:
    rio (2.2.1)
      bowndler
      dough-ruby (~> 5.36)
      pensions_calculator-calculations (~> 3.0.2)
      rails (>= 4, < 5)

GIT
  remote: git@github.com:moneyadviceservice/savings_calculator.git
  revision: d802e9551b617200cc3df29baa5a7d7780769560
  ref: d802e95
  branch: feature/ntt_moneyhelper_reskin
  specs:
    savings_calculator (2.0.0)
      autoprefixer-rails
      dough-ruby (~> 5.36)
      jquery-rails
      mas-fonts
      meta-tags
      rails (>= 4, < 5)
      sass-rails
      sprockets (< 4)

GIT
  remote: git@github.com:moneyadviceservice/timelines.git
  revision: 57288505c5d8bfdd0a0cceb7c462a851e5e8385b
  branch: 12735_update_links
  specs:
    timelines (1.7.1)
      bowndler
      icalendar
      jquery-rails
      mas-templating
      rails (>= 4, < 5)
      sass-rails

GIT
  remote: git@github.com:moneyadviceservice/wpcc.git
  revision: 28768085b4f91cb73e200db04d93a5edaf77567a
  ref: 2876808
  branch: feature/ntt_moneyhelper_reskin
  specs:
    wpcc (3.0.0)
      dough-ruby (~> 5.38)
      meta-tags
      modernizr-rails (~> 2.6.2)
      rails (>= 4, < 5)

GIT
  remote: https://github.com/rails-lts/rack.git
  revision: de472597cac8f3f222e7b6e90a07c2b991704b01
  branch: lts-1-6-stable
  specs:
    rack (1.6.13)

GEM
  remote: https://rubygems.org/
  remote: https://gems.railslts.com/
  remote: http://gems.dev.mas.local/
  specs:
    actionmailer (4.2.11.17)
      actionpack (= 4.2.11.17)
      actionview (= 4.2.11.17)
      activejob (= 4.2.11.17)
      mail (~> 2.5, >= 2.5.4)
      rails-dom-testing (~> 1.0, >= 1.0.5)
    actionpack (4.2.11.17)
      actionview (= 4.2.11.17)
      activesupport (= 4.2.11.17)
      rack (~> 1.6)
      rack-test (~> 0.6.2)
      rails-dom-testing (~> 1.0, >= 1.0.5)
      rails-html-sanitizer (~> 1.0, >= 1.0.2)
    actionview (4.2.11.17)
      activesupport (= 4.2.11.17)
      builder (~> 3.1)
      erubis (~> 2.7.0)
      rails-dom-testing (~> 1.0, >= 1.0.5)
      rails-html-sanitizer (~> 1.0, >= 1.0.3)
    active_attr (0.15.3)
      actionpack (>= 3.0.2, < 7.0)
      activemodel (>= 3.0.2, < 7.0)
      activesupport (>= 3.0.2, < 7.0)
    active_model_serializers (0.9.8)
      activemodel (>= 3.2)
      concurrent-ruby (~> 1.0)
    activejob (4.2.11.17)
      activesupport (= 4.2.11.17)
      globalid (>= 0.3.0)
    activemodel (4.2.11.17)
      activesupport (= 4.2.11.17)
      builder (~> 3.1)
    activerecord (4.2.11.17)
      activemodel (= 4.2.11.17)
      activesupport (= 4.2.11.17)
      arel (~> 6.0)
    activerecord-session_store (1.1.1)
      actionpack (>= 4.0)
      activerecord (>= 4.0)
      multi_json (~> 1.11, >= 1.11.2)
      rack (>= 1.5.2, < 3)
      railties (>= 4.0)
    activesupport (4.2.11.17)
      i18n (~> 0.7)
      minitest (~> 5.1)
      thread_safe (~> 0.3, >= 0.3.4)
      tzinfo (~> 1.1)
    addressable (2.7.0)
      public_suffix (>= 2.0.2, < 5.0)
    advice_plans (4.1.1)
      dough-ruby (~> 5.36)
      friendly_id (>= 5.1.0)
      hashie
      i18n-js (= 3.0.0.mas)
      kaminari (>= 1.2.1)
      meta-tags
      rails (>= 4, < 5)
      redcarpet (~> 3.2.0)
      sass-rails
      transitions (~> 0.1.11)
    agreements (2.5.0)
      dough-ruby (~> 5.36)
      hashie (~> 2.0.5)
      meta-tags
      rails (>= 4, < 5)
      recaptcha
      sass-rails
    algoliasearch (1.19.2)
      httpclient (~> 2.8, >= 2.8.3)
      json (>= 1.5.1)
    angularjs-rails (1.2.26)
    arel (6.0.4)
    ast (2.4.0)
    attr_encrypted (3.1.0)
      encryptor (~> 3.0.0)
    autoprefixer-rails (8.6.5)
      execjs
    backports (3.11.1)
    bcrypt (3.1.15)
    better_errors (2.4.0)
      coderay (>= 1.0.0)
      erubi (>= 1.0.0)
      rack (>= 0.9.0)
    bigdecimal (1.3.5)
    binding_of_caller (0.8.0)
      debug_inspector (>= 0.0.1)
    blind_index (0.2.0)
      activesupport (>= 4.2)
    bowndler (1.0.2)
      thor
    bson (4.12.1)
    bugsnag (6.7.0)
      concurrent-ruby (~> 1.0)
    builder (3.2.4)
    byebug (10.0.2)
    capybara (2.18.0)
      addressable
      mini_mime (>= 0.1.3)
      nokogiri (>= 1.3.3)
      rack (>= 1.0.0)
      rack-test (>= 0.5.4)
      xpath (>= 2.0, < 4.0)
    chai-jquery-rails (2.0.1)
      railties (>= 3.1)
      sprockets
    chronic (0.10.2)
    cliver (0.3.2)
    cocoon (1.2.12)
    codeclimate-test-reporter (0.6.0)
      simplecov (>= 0.7.1, < 1.0.0)
    coderay (1.1.2)
    coffee-rails (4.2.2)
      coffee-script (>= 2.2.0)
      railties (>= 4.0.0)
    coffee-script (2.4.1)
      coffee-script-source
      execjs
    coffee-script-source (1.12.2)
    concurrent-ruby (1.1.7)
    crack (0.4.3)
      safe_yaml (~> 1.0.0)
    crass (1.0.6)
    cream (2.1.8)
      faraday (>= 0.9)
      faraday_middleware
    css_parser (1.3.7)
      addressable
    csslint_ruby (0.0.2)
      execjs
    cucumber (3.1.0)
      builder (>= 2.1.2)
      cucumber-core (~> 3.1.0)
      cucumber-expressions (~> 5.0.4)
      cucumber-wire (~> 0.0.1)
      diff-lcs (~> 1.3)
      gherkin (~> 5.0)
      multi_json (>= 1.7.5, < 2.0)
      multi_test (>= 0.1.2)
    cucumber-core (3.1.0)
      backports (>= 3.8.0)
      cucumber-tag_expressions (~> 1.1.0)
      gherkin (>= 5.0.0)
    cucumber-expressions (5.0.15)
    cucumber-rails (1.5.0)
      capybara (>= 1.1.2, < 3)
      cucumber (>= 1.3.8, < 4)
      mime-types (>= 1.17, < 4)
      nokogiri (~> 1.5)
      railties (>= 4, < 5.2)
    cucumber-tag_expressions (1.1.1)
    cucumber-wire (0.0.1)
    cutback_calculator (0.13.0)
      autoprefixer-rails
      dough-ruby (~> 5.0)
      meta-tags
      rails (>= 4, < 5)
      responders
      sass-rails
    database_cleaner (1.6.2)
    debt_and_mental_health (1.6.0)
      bcrypt
      dough-ruby (~> 5.36)
      haml-rails
      jbuilder
      rails (>= 4, < 5)
      ranked-model (<= 0.4.2)
      responders
      sass-rails
    debt_finance_calculator (1.1.0.8)
      bigdecimal (> 1.2.3)
    debt_test (1.9.0)
      autoprefixer-rails
      dough-ruby (~> 5.0)
      historyjs-rails
      jquery-rails
      rails (>= 4, < 5)
      sass-rails
    debug_inspector (0.0.3)
    decision_trees (2.3.0)
      dough-ruby (~> 5.36)
      handlebars_assets (~> 0.13.0)
      htmlentities
      i18n-js (= 3.0.0.mas)
      meta-tags
      nokogiri
      rails (>= 4, < 5)
      sass-rails (~> 4.0.5)
      sprockets-rails (~> 2.3.3)
    delayed_job (4.1.5)
      activesupport (>= 3.0, < 5.3)
    delayed_job_active_record (4.1.3)
      activerecord (>= 3.0, < 5.3)
      delayed_job (>= 3.0, < 5)
    devise (4.7.2)
      bcrypt (~> 3.0)
      orm_adapter (~> 0.1)
      railties (>= 4.1.0)
      responders
      warden (~> 1.2.3)
    devise-encryptable (0.2.0)
      devise (>= 2.1.0)
    diff-lcs (1.3)
    docile (1.3.0)
    domain_name (0.5.20180417)
      unf (>= 0.0.5, < 1.0.0)
    dotenv (2.2.1)
    dotenv-rails (2.2.1)
      dotenv (= 2.2.1)
      railties (>= 3.2, < 5.2)
    dragonfly (1.2.0)
      addressable (~> 2.3)
      multi_json (~> 1.0)
      rack (>= 1.3)
    draper (2.1.0)
      actionpack (>= 3.0)
      activemodel (>= 3.0)
      activesupport (>= 3.0)
      request_store (~> 1.0)
    dry-configurable (0.12.1)
      concurrent-ruby (~> 1.0)
      dry-core (~> 0.5, >= 0.5.0)
    dry-container (0.7.2)
      concurrent-ruby (~> 1.0)
      dry-configurable (~> 0.1, >= 0.1.3)
    dry-core (0.6.0)
      concurrent-ruby (~> 1.0)
    dry-equalizer (0.3.0)
    dry-inflector (0.2.0)
    dry-logic (1.2.0)
      concurrent-ruby (~> 1.0)
      dry-core (~> 0.5, >= 0.5)
    dry-struct (1.3.0)
      dry-core (~> 0.4, >= 0.4.4)
      dry-equalizer (~> 0.3)
      dry-types (~> 1.3)
      ice_nine (~> 0.11)
    dry-struct-setters (0.3.0)
      dry-struct (>= 1.0.0)
    dry-types (1.4.0)
      concurrent-ruby (~> 1.0)
      dry-container (~> 0.3)
      dry-core (~> 0.4, >= 0.4.4)
      dry-equalizer (~> 0.3)
      dry-inflector (~> 0.1, >= 0.1.2)
      dry-logic (~> 1.0, >= 1.0.2)
    ejs (1.1.1)
    email_spec (1.6.0)
      launchy (~> 2.1)
      mail (~> 2.2)
    email_validator (1.4.0)
      activemodel
    encryptor (3.0.0)
    erubi (1.7.1)
    erubis (2.7.0)
    execjs (2.7.0)
    factory_bot (4.10.0)
      activesupport (>= 3.0.0)
    faker (1.8.7)
      i18n (>= 0.7)
    faraday (0.9.2)
      multipart-post (>= 1.2, < 3)
    faraday-conductivity (0.3.1)
      faraday (~> 0.8)
    faraday_middleware (0.12.2)
      faraday (>= 0.7.4, < 1.0)
    feedback (0.5.1)
      delayed_job_active_record
      dough-ruby (~> 5.0)
      rails (>= 4, < 5)
    foreman (0.84.0)
      thor (~> 0.19.1)
    formtastic (2.3.1)
      actionpack (>= 3.0)
    formtastic-bootstrap (2.1.3)
      formtastic (~> 2.2)
    friendly_id (5.2.5)
      activerecord (>= 4.0.0)
    geokit (1.13.1)
    geokit-rails (2.3.2)
      geokit (~> 1.5)
      rails (>= 3.0)
    gherkin (5.0.0)
    globalid (0.4.2)
      activesupport (>= 4.2.0)
    haml (5.1.0)
      temple (>= 0.8.0)
      tilt
    haml-rails (1.0.0)
      actionpack (>= 4.0.1)
      activesupport (>= 4.0.1)
      haml (>= 4.0.6, < 6.0)
      html2haml (>= 1.0.1)
      railties (>= 4.0.1)
    handlebars_assets (0.13.0)
      execjs (>= 1.2.9)
      sprockets (>= 2.0.3)
      tilt
    hashdiff (0.3.7)
    hashie (2.0.5)
    hike (1.2.3)
    historyjs-rails (1.0.1)
      railties (>= 3.0)
    html2haml (2.2.0)
      erubis (~> 2.7.0)
      haml (>= 4.0, < 6)
      nokogiri (>= 1.6.0)
      ruby_parser (~> 3.5)
    html_validation (1.1.5)
    htmlentities (4.3.4)
    http-cookie (1.0.3)
      domain_name (~> 0.5)
    httpclient (2.8.3)
    i18n (0.9.5)
      concurrent-ruby (~> 1.0)
    i18n-js (3.0.0.mas)
      i18n
    icalendar (2.7.1)
      ice_cube (~> 0.16)
    ice_cube (0.16.3)
    ice_nine (0.11.2)
    interception (0.5)
    jbuilder (2.9.1)
      activesupport (>= 4.2.0)
    jquery-rails (4.4.0)
      rails-dom-testing (>= 1, < 3)
      railties (>= 4.2.0)
      thor (>= 0.14, < 2.0)
    js-routes (1.1.2)
      railties (>= 3.2)
      sprockets-rails
    jshint_ruby (0.1)
      execjs
    json (2.4.0)
    jwt (1.5.6)
    kaminari (1.2.1)
      activesupport (>= 4.1.0)
      kaminari-actionview (= 1.2.1)
      kaminari-activerecord (= 1.2.1)
      kaminari-core (= 1.2.1)
    kaminari-actionview (1.2.1)
      actionview
      kaminari-core (= 1.2.1)
    kaminari-activerecord (1.2.1)
      activerecord
      kaminari-core (= 1.2.1)
    kaminari-core (1.2.1)
    kgio (2.11.2)
    kss (0.5.0)
    launchy (2.4.3)
      addressable (~> 2.3)
    letter_opener (1.6.0)
      launchy (~> 2.2)
    link_header (0.0.8)
    loofah (2.7.0)
      crass (~> 1.0.2)
      nokogiri (>= 1.5.9)
    mail (2.7.1)
      mini_mime (>= 0.1.1)
    mailjet (1.5.4)
      activesupport (>= 3.1.0)
      rack (>= 1.4.0)
      rest-client
    mas-cms-client (1.20.1)
      activemodel (>= 4.2)
      activesupport (>= 4.2)
      faraday (~> 0.9.2)
      faraday-conductivity (~> 0.3.1)
      faraday_middleware (~> 0.12.2)
      rubytree (~> 1.0.0)
    mas-fonts (0.0.2.6)
      rails
    mas-mailer (0.3.2.15)
      delayed_job_active_record
      hashie
    mas-templating (1.0.0.18)
    meta-tags (2.11.1)
      actionpack (>= 3.2.0, < 6.1)
    method_source (0.9.0)
    mime-types (3.2.2)
      mime-types-data (~> 3.2015)
    mime-types-data (3.2019.0331)
    mini_mime (1.0.2)
    mini_portile2 (2.4.0)
    minitest (5.14.2)
    modernizr-rails (2.6.3)
    mongo (2.15.0)
      bson (>= 4.8.2, < 5.0.0)
    mongoid (5.4.1)
      activemodel (~> 4.0)
      mongo (>= 2.5.1, < 3.0.0)
      origin (~> 2.3)
      tzinfo (>= 0.3.37)
    multi_json (1.15.0)
    multi_test (0.1.2)
    multipart-post (2.1.1)
    mysql2 (0.4.9)
    netrc (0.11.0)
    newrelic_rpm (5.0.0.342)
    nokogiri (1.10.10)
      mini_portile2 (~> 2.4.0)
    nunes (0.5.0)
    opening_hours (0.0.7)
      activesupport
    origin (2.3.1)
    orm_adapter (0.5.0)
    pacs (4.0.1)
      dough-ruby (~> 5.39)
      dry-container (= 0.7.2)
      dry-core (= 0.6.0)
      dry-inflector (= 0.2.0)
      dry-struct (< 1.4.0)
      dry-struct-setters
      dry-types (< 1.5.0)
      faraday
      faraday-conductivity
      faraday_middleware
      meta-tags
      modernizr-rails (~> 2.6.2)
      mongoid
      rails (>= 4, < 5)
    parallel (1.12.1)
    parser (2.5.0.5)
      ast (~> 2.4.0)
    payday_loans_intervention (1.9.0)
      autoprefixer-rails
      dough-ruby (~> 5.0)
      historyjs-rails
      modernizr-rails
      rails (>= 4, < 5)
      sass-rails
    pensions_calculator-calculations (3.0.2)
      activesupport
    poltergeist (1.17.0)
      capybara (~> 2.1)
      cliver (~> 0.3.1)
      websocket-driver (>= 0.2.0)
    postcode_anywhere-email_validation (0.2.0)
      activemodel (~> 4.2)
      rest-client (~> 2.0)
    powerpack (0.1.1)
    preamble (0.0.3)
      rspec
    pry (0.11.3)
      coderay (~> 1.1.0)
      method_source (~> 0.9.0)
    pry-byebug (3.6.0)
      byebug (~> 10.0)
      pry (~> 0.10)
    pry-rails (0.3.6)
      pry (>= 0.10.4)
    pry-rescue (1.4.5)
      interception (>= 0.5)
      pry
    psych (3.0.2)
    public_suffix (4.0.1)
    quiz (1.4.0)
      cocoon
      devise
      dragonfly (>= 1.0.0)
      formtastic-bootstrap (>= 2.1, < 3)
      friendly_id (>= 5.0)
      rails (>= 4, < 5)
    rack-accept (0.4.5)
      rack (>= 0.4)
    rack-livereload (0.3.17)
      rack
    rack-test (0.6.3)
      rack (>= 1.0)
    rails (4.2.11.17)
      actionmailer (= 4.2.11.17)
      actionpack (= 4.2.11.17)
      actionview (= 4.2.11.17)
      activejob (= 4.2.11.17)
      activemodel (= 4.2.11.17)
      activerecord (= 4.2.11.17)
      activesupport (= 4.2.11.17)
      bundler (>= 1.3.0, < 2.0)
      railslts-version (= 4.2.11.17)
      railties (= 4.2.11.17)
      sprockets-rails
    rails-deprecated_sanitizer (1.0.3)
      activesupport (>= 4.2.0.alpha)
    rails-dom-testing (1.0.9)
      activesupport (>= 4.2.0, < 5.0)
      nokogiri (~> 1.6)
      rails-deprecated_sanitizer (>= 1.0.1)
    rails-html-sanitizer (1.3.0)
      loofah (~> 2.3)
    railslts-version (4.2.11.17)
    railties (4.2.11.17)
      actionpack (= 4.2.11.17)
      activesupport (= 4.2.11.17)
      rake (>= 0.8.7)
      thor (>= 0.18.1, < 2.0)
    rainbow (3.0.0)
    raindrops (0.19.0)
    rake (13.0.1)
    ranked-model (0.4.2)
      activerecord (>= 4.1.16)
    rb-readline (0.5.5)
    rdoc (6.0.3)
    recaptcha (4.14.0)
      json
    redcarpet (3.2.3)
    request_store (1.4.1)
      rack (>= 1.4)
    responders (2.4.1)
      actionpack (>= 4.2.0, < 6.0)
      railties (>= 4.2.0, < 6.0)
    rest-client (2.0.2)
      http-cookie (>= 1.0.2, < 2.0)
      mime-types (>= 1.16, < 4.0)
      netrc (~> 0.8)
    roadie (2.4.3)
      actionmailer (> 3.0.0, < 5.0.0)
      css_parser (~> 1.3.4)
      nokogiri (> 1.5.0)
      sprockets
    roo (2.4.0)
      nokogiri (~> 1)
      rubyzip (~> 1.1, < 2.0.0)
    roo-xls (1.0.0)
      nokogiri
      roo (>= 2.0.0beta1, < 3)
      spreadsheet (> 0.9.0)
    rouge (3.1.1)
    rspec (3.7.0)
      rspec-core (~> 3.7.0)
      rspec-expectations (~> 3.7.0)
      rspec-mocks (~> 3.7.0)
    rspec-core (3.7.1)
      rspec-support (~> 3.7.0)
    rspec-expectations (3.7.0)
      diff-lcs (>= 1.2.0, < 2.0)
      rspec-support (~> 3.7.0)
    rspec-html-matchers (0.9.1)
      nokogiri (~> 1)
      rspec (>= 3.0.0.a, < 4)
    rspec-mocks (3.7.0)
      diff-lcs (>= 1.2.0, < 2.0)
      rspec-support (~> 3.7.0)
    rspec-rails (3.7.2)
      actionpack (>= 3.0)
      activesupport (>= 3.0)
      railties (>= 3.0)
      rspec-core (~> 3.7.0)
      rspec-expectations (~> 3.7.0)
      rspec-mocks (~> 3.7.0)
      rspec-support (~> 3.7.0)
    rspec-support (3.7.1)
    rspec_junit_formatter (0.3.0)
      rspec-core (>= 2, < 4, != 2.12.0)
    rubocop (0.54.0)
      parallel (~> 1.10)
      parser (>= 2.5)
      powerpack (~> 0.1)
      rainbow (>= 2.2.2, < 4.0)
      ruby-progressbar (~> 1.7)
      unicode-display_width (~> 1.0, >= 1.0.1)
    ruby-ole (1.2.12.2)
    ruby-progressbar (1.9.0)
    ruby_parser (3.13.1)
      sexp_processor (~> 4.9)
    rubytree (1.0.0)
      json (~> 2.1)
      structured_warnings (~> 0.3)
    rubyzip (1.3.0)
    safe_yaml (1.0.4)
    sass (3.2.19)
    sass-rails (4.0.5)
      railties (>= 4.0.0, < 5.0)
      sass (~> 3.2.2)
      sprockets (~> 2.8, < 3.0)
      sprockets-rails (~> 2.0)
    sdoc (1.0.0)
      rdoc (>= 5.0)
    sexp_processor (4.12.0)
    shoulda-matchers (3.1.2)
      activesupport (>= 4.0.0)
    simplecov (0.16.1)
      docile (~> 1.1)
      json (>= 1.8, < 3)
      simplecov-html (~> 0.10.0)
    simplecov-html (0.10.2)
    site_prism (2.11)
      addressable (~> 2.4)
      capybara (~> 2.7)
    site_search (0.3.0)
      algoliasearch
    spreadsheet (1.2.4)
      ruby-ole (>= 1.0)
    sprockets (2.12.5)
      hike (~> 1.2)
      multi_json (~> 1.0)
      rack (~> 1.0)
      tilt (~> 1.1, != 1.3.0)
    sprockets-rails (2.3.3)
      actionpack (>= 3.0)
      activesupport (>= 3.0)
      sprockets (>= 2.8, < 4.0)
    sqlite3 (1.3.13)
    statsd-ruby (1.4.0)
    structured_warnings (0.4.0)
    sucker_punch (2.1.1)
      concurrent-ruby (~> 1.0)
    syslog-logger (1.6.8)
    temple (0.8.1)
    thor (0.19.4)
    thread_safe (0.3.6)
    tidy-html5 (0.1.2)
    tilt (1.4.1)
    timecop (0.9.1)
    transitions (0.1.13)
    turnout (2.4.1)
      i18n (~> 0.7)
      rack (>= 1.3, < 3)
      rack-accept (~> 0.4)
      tilt (>= 1.4, < 3)
    tzinfo (1.2.7)
      thread_safe (~> 0.1)
    uglifier (4.1.20)
      execjs (>= 0.3.0, < 3)
    uk_postcode (2.1.6)
    underscore-rails (1.8.3)
    unf (0.1.4)
      unf_ext
    unf_ext (0.0.7.6)
    unicode-display_width (1.3.0)
    unicorn (5.4.0)
      kgio (~> 2.6)
      raindrops (~> 0.7)
    unicorn-rails (2.2.1)
      rack
      unicorn
    universal_credit (5.1.0)
      autoprefixer-rails
      devise
      dough-ruby (~> 5.36)
      mas-cms-client (~> 1.1)
      meta-tags
      mysql2 (= 0.4.9)
      preamble
      rails (>= 4, < 5)
      redcarpet
      sass-rails
      uglifier
    uri_template (0.7.0)
    validate_url (1.0.0)
      activemodel (>= 3.0.0)
      addressable
    vcr (4.0.0)
    warden (1.2.7)
      rack (>= 1.0)
    webmock (3.3.0)
      addressable (>= 2.3.6)
      crack (>= 0.3.2)
      hashdiff
    websocket-driver (0.7.0)
      websocket-extensions (>= 0.1.0)
    websocket-extensions (0.1.5)
    whenever (0.10.0)
      chronic (>= 0.6.3)
    xpath (3.0.0)
      nokogiri (~> 1.8)

PLATFORMS
  ruby
  x86_64-darwin-20

DEPENDENCIES
  action_plans!
  actionmailer!
  actionpack!
  actionview!
  activejob!
  activemodel!
  activerecord!
  activerecord-session_store
  activesupport!
  adal!
  advice_plans (~> 4.1.1)
  aes!
  agreements (~> 2.5.0)
  algoliasearch
  attr_encrypted (~> 3.1)
  autoprefixer-rails
  better_errors
  binding_of_caller
  blind_index (= 0.2.0)
  bowndler (~> 1.0)
  budget_planner!
  bugsnag
  byebug
  capybara
  car_cost_tool!
  chai-jquery-rails
  chronic
  codeclimate-test-reporter (= 0.6.0)
  cost_calculator_builder!
  cream (= 2.1.8)
  csslint_ruby
  cucumber-rails
  cutback_calculator (~> 0.13.0)
  database_cleaner
  debt_advice_locator!
  debt_and_mental_health (~> 1.6.0)
  debt_free_day_calculator!
  debt_test (~> 1.9.0)
  decision_trees (~> 2.3.0)
  delayed_job_active_record
  devise (~> 4.7.1)
  devise-encryptable
  dotenv
  dotenv-rails
  dough-ruby!
  draper (< 3)
  ejs
  email_spec (< 2)
  factory_bot
  faker
  faraday (= 0.9.2)
  faraday-conductivity
  faraday_middleware
  feedback (~> 0.5.1)
  foreman
  html_validation
  jshint_ruby
  kss
  letter_opener
  link_header
  mail
  mailjet
  mas-cms-client (= 1.20.1)
  meta-tags (~> 2.4)
  mortgage_calculator!
  mysql2 (= 0.4.9)
  newrelic_rpm
  nokogiri (>= 1.10.3)
  nunes
  opening_hours
  pacs (~> 4.0.1)
  payday_loans_intervention (~> 1.9.0)
  pensions_calculator!
  poltergeist
  postcode_anywhere-email_validation!
  pry-byebug
  pry-rails
  pry-rescue
  psych (>= 2.0.5)
  quiz (~> 1.4.0)!
  rack!
  rack-livereload
  rails (~> 4.2.11)!
  railslts-version!
  railties!
  rb-readline
  recaptcha
  redcarpet
  rest-client (~> 2.0)
  rio!
  rouge
  rspec-html-matchers
  rspec-rails
  rspec_junit_formatter
  rubocop
  rubytree (~> 1)
  sass-rails
  savings_calculator!
  sdoc
  shoulda-matchers
  site_prism
  site_search (= 0.3.0)
  sqlite3
  statsd-ruby
  sucker_punch
  syslog-logger
  tidy-html5
  timecop
  timelines!
  turnout
  uglifier
  unicorn-rails
  universal_credit (~> 5.1.0)
  vcr
  webmock
  websocket-extensions (>= 0.1.5)
  whenever
  wpcc!

BUNDLED WITH
   1.17.3
