GIT
  remote: https://github.com/chicks/aes.git
  revision: 0503a8ff65487c3ea7272ead4f7071139b736d44
  specs:
    aes (0.5.1)

GIT
  remote: https://github.com/moneyadviceservice/action_plans.git
  revision: 071e3c3c81b878a99e732ba7d27fb1b55a45d174
  ref: 071e3c3c
  specs:
    action_plans (6.8.0)
      autoprefixer-rails
      dough-ruby (~> 5.0)
      draper
      hashie
      rails (>= 4, < 5)
      sass-rails

GIT
  remote: https://github.com/moneyadviceservice/azure-activedirectory-library-for-ruby.git
  revision: 26f534a42d516dcdd13fe7fc82149b6d4bc9bebb
  specs:
    adal (1.1.0)
      jwt (~> 1.5)
      nokogiri (~> 1.6)
      uri_template (~> 0.7)

GIT
  remote: https://github.com/moneyadviceservice/budget_planner.git
  revision: d72d455e7f891650c3eb2168739a018c39409ecc
  ref: d72d455e
  specs:
    budget_planner (6.4.0)
      i18n-js (= 3.0.0.mas)
      js-routes (= 1.1.2)
      mas-mailer (~> 0.3)
      modernizr-rails (~> 2.6.2)
      rails (>= 4, < 5)
      sass-rails
      spreadsheet (= 1.2.8)

GIT
  remote: https://github.com/moneyadviceservice/cost_calculator_builder.git
  revision: a6a0ddf07b09e5903ec2a01293a21e16cd0ad21e
  ref: a6a0ddf
  specs:
    cost_calculator_builder (2.1.1)
      bowndler
      dough-ruby (~> 5.36)
      friendly_id (>= 5.1.0)
      rails (>= 4, < 5)

GIT
  remote: https://github.com/moneyadviceservice/debt-advice-locator.git
  revision: 878f1b1e5c765c15537328a78ccdd60d175b5dd9
  ref: 878f1b1
  specs:
    debt_advice_locator (4.2.2)
      active_attr
      active_model_serializers (< 0.10.0)
      addressable
      bcrypt
      coffee-rails
      dough-ruby (~> 5)
      draper (< 3)
      geokit-rails
      kaminari
      mas-templating (~> 1.0.0)
      rails (>= 4, < 5)
      redcarpet
      sass-rails (= 4.0.5)
      uk_postcode
      validate_url (= 1.0.0)

GIT
  remote: https://github.com/moneyadviceservice/debt_free_day_calculator.git
  revision: cc7d9078a2e0d5e023d13a151363ab90c7aac49e
  ref: cc7d907
  specs:
    debt_free_day_calculator (4.2.0)
      autoprefixer-rails (< 9)
      bigdecimal (~> 1.3.0)
      debt_finance_calculator (~> 1.1.0)
      dough-ruby (~> 5.45)
      draper (< 3)
      email_validator (~> 1.4.0)
      i18n-js (= 3.0.0.mas)
      mas-fonts
      meta-tags
      rails (>= 4, < 5)
      roadie (< 3)
      sass-rails

GIT
  remote: https://github.com/moneyadviceservice/dough.git
  revision: 5b8851d343bdcc8b03ddf4e92c3c4655cc4a20c2
  branch: PostMessages_v5.45
  specs:
    dough-ruby (5.45.0)
      activemodel
      activesupport
      rails (>= 3.2)
      sass-rails

GIT
  remote: https://github.com/moneyadviceservice/pensions_calculator.git
  revision: 12db3f55f74fbcc8ea7cff5f95292a69964de5b7
  ref: 12db3f55
  specs:
    pensions_calculator (3.8.0)
      autoprefixer-rails
      dough-ruby (~> 5.36)
      meta-tags
      rails (>= 4, < 5)
      responders
      sass-rails
      uglifier

GIT
  remote: https://github.com/moneyadviceservice/savings_calculator.git
  revision: 1ccfd874c6b123224bd9b712585c24c81e0846c3
  ref: 1ccfd87
  specs:
    savings_calculator (2.1.0)
      autoprefixer-rails
      dough-ruby (~> 5.36)
      jquery-rails
      mas-fonts
      meta-tags
      rails (>= 4, < 5)
      sass-rails
      sprockets (< 4)

GIT
  remote: https://github.com/moneyadviceservice/timelines.git
  revision: c5ee62254e90076790d28f2f85943cc55fe88da5
  ref: c5ee622
  specs:
    timelines (2.4.0)
      bowndler
      icalendar
      jquery-rails
      mas-templating
      rails (>= 4, < 5)
      sass-rails

GIT
  remote: https://github.com/moneyadviceservice/wpcc.git
  revision: 45a0a46f6cd73aed8a64ee06b4a503cdcba6a529
  ref: 45a0a46
  specs:
    wpcc (3.3.0)
      dough-ruby (< 6)
      meta-tags
      modernizr-rails (~> 2.6.2)
      rails (>= 4, < 5)

GIT
  remote: https://github.com/rails-lts/rack.git
  revision: 93aa66af110260f0e154a7e9a6b694df6434565e
  branch: lts-1-6-stable
  specs:
    rack (1.6.13.17)

GEM
  remote: https://rubygems.org/
  remote: https://gems.railslts.com/
  remote: https://gem.fury.io/h_app288206558/
  specs:
    actionmailer (4.2.11.37)
      actionpack (= 4.2.11.37)
      actionview (= 4.2.11.37)
      activejob (= 4.2.11.37)
      mail (~> 2.5, >= 2.5.4)
      rails-dom-testing (~> 1.0, >= 1.0.5)
    actionpack (4.2.11.37)
      actionview (= 4.2.11.37)
      activesupport (= 4.2.11.37)
      rack (~> 1.6)
      rack-test (~> 0.6.2)
      rails-dom-testing (~> 1.0, >= 1.0.5)
      rails-html-sanitizer (~> 1.0, >= 1.0.2)
    actionview (4.2.11.37)
      activesupport (= 4.2.11.37)
      builder (~> 3.1)
      erubis (~> 2.7.0)
      rails-dom-testing (~> 1.0, >= 1.0.5)
      rails-html-sanitizer (~> 1.0, >= 1.0.3)
    active_attr (0.16.0)
      actionpack (>= 3.0.2, < 7.2)
      activemodel (>= 3.0.2, < 7.2)
      activesupport (>= 3.0.2, < 7.2)
    active_model_serializers (0.9.13)
      activemodel (>= 3.2)
      concurrent-ruby (~> 1.0)
    activejob (4.2.11.37)
      activesupport (= 4.2.11.37)
      globalid (>= 0.3.0)
    activemodel (4.2.11.37)
      activesupport (= 4.2.11.37)
      builder (~> 3.1)
    activerecord (4.2.11.37)
      activemodel (= 4.2.11.37)
      activesupport (= 4.2.11.37)
      arel (~> 6.0)
    activerecord-session_store (1.1.1)
      actionpack (>= 4.0)
      activerecord (>= 4.0)
      multi_json (~> 1.11, >= 1.11.2)
      rack (>= 1.5.2, < 3)
      railties (>= 4.0)
    activesupport (4.2.11.37)
      i18n (>= 0.7, < 2)
      minitest (~> 5.1)
      thread_safe (~> 0.3, >= 0.3.4)
      tzinfo (~> 1.2, >= 1.2.10)
    addressable (2.8.7)
      public_suffix (>= 2.0.2, < 7.0)
    advice_plans (4.1.1)
      dough-ruby (~> 5.36)
      friendly_id (>= 5.1.0)
      hashie
      i18n-js (= 3.0.0.mas)
      kaminari (>= 1.2.1)
      meta-tags
      rails (>= 4, < 5)
      redcarpet (~> 3.2.0)
      sass-rails
      transitions (~> 0.1.11)
    agreements (2.5.0)
      dough-ruby (~> 5.36)
      hashie (~> 2.0.5)
      meta-tags
      rails (>= 4, < 5)
      recaptcha
      sass-rails
    angularjs-rails (1.2.26)
    arel (6.0.4)
    ast (2.4.0)
    attr_encrypted (3.1.0)
      encryptor (~> 3.0.0)
    autoprefixer-rails (8.6.5)
      execjs
    backports (3.11.1)
    bcrypt (3.1.20)
    better_errors (2.4.0)
      coderay (>= 1.0.0)
      erubi (>= 1.0.0)
      rack (>= 0.9.0)
    bigdecimal (1.3.5)
    binding_of_caller (0.8.0)
      debug_inspector (>= 0.0.1)
    blind_index (0.2.0)
      activesupport (>= 4.2)
    bowndler (1.0.2)
      thor
    builder (3.3.0)
    byebug (11.1.3)
    capybara (2.18.0)
      addressable
      mini_mime (>= 0.1.3)
      nokogiri (>= 1.3.3)
      rack (>= 1.0.0)
      rack-test (>= 0.5.4)
      xpath (>= 2.0, < 4.0)
    chai-jquery-rails (2.0.1)
      railties (>= 3.1)
      sprockets
    chronic (0.10.2)
    cocoon (1.2.12)
    codeclimate-test-reporter (0.6.0)
      simplecov (>= 0.7.1, < 1.0.0)
    coderay (1.1.3)
    coffee-rails (4.2.2)
      coffee-script (>= 2.2.0)
      railties (>= 4.0.0)
    coffee-script (2.4.1)
      coffee-script-source
      execjs
    coffee-script-source (1.12.2)
    concurrent-ruby (1.3.4)
    crack (0.4.5)
      rexml
    crass (1.0.6)
    cream (2.1.8)
      faraday (>= 0.9)
      faraday_middleware
    css_parser (1.3.7)
      addressable
    csslint_ruby (0.0.2)
      execjs
    cucumber (3.1.0)
      builder (>= 2.1.2)
      cucumber-core (~> 3.1.0)
      cucumber-expressions (~> 5.0.4)
      cucumber-wire (~> 0.0.1)
      diff-lcs (~> 1.3)
      gherkin (~> 5.0)
      multi_json (>= 1.7.5, < 2.0)
      multi_test (>= 0.1.2)
    cucumber-core (3.1.0)
      backports (>= 3.8.0)
      cucumber-tag_expressions (~> 1.1.0)
      gherkin (>= 5.0.0)
    cucumber-expressions (5.0.15)
    cucumber-rails (1.5.0)
      capybara (>= 1.1.2, < 3)
      cucumber (>= 1.3.8, < 4)
      mime-types (>= 1.17, < 4)
      nokogiri (~> 1.5)
      railties (>= 4, < 5.2)
    cucumber-tag_expressions (1.1.1)
    cucumber-wire (0.0.1)
    cutback_calculator (0.13.0)
      autoprefixer-rails
      dough-ruby (~> 5.0)
      meta-tags
      rails (>= 4, < 5)
      responders
      sass-rails
    database_cleaner (1.6.2)
    date (3.3.4)
    debt_and_mental_health (1.6.0)
      bcrypt
      dough-ruby (~> 5.36)
      haml-rails
      jbuilder
      rails (>= 4, < 5)
      ranked-model (<= 0.4.2)
      responders
      sass-rails
    debt_finance_calculator (1.1.0.8)
      bigdecimal (> 1.2.3)
    debt_test (1.9.0)
      autoprefixer-rails
      dough-ruby (~> 5.0)
      historyjs-rails
      jquery-rails
      rails (>= 4, < 5)
      sass-rails
    debug_inspector (0.0.3)
    decision_trees (2.3.0)
      dough-ruby (~> 5.36)
      handlebars_assets (~> 0.13.0)
      htmlentities
      i18n-js (= 3.0.0.mas)
      meta-tags
      nokogiri
      rails (>= 4, < 5)
      sass-rails (~> 4.0.5)
      sprockets-rails (~> 2.3.3)
    delayed_job (4.1.11)
      activesupport (>= 3.0, < 8.0)
    delayed_job_active_record (4.1.8)
      activerecord (>= 3.0, < 8.0)
      delayed_job (>= 3.0, < 5)
    devise (4.7.3)
      bcrypt (~> 3.0)
      orm_adapter (~> 0.1)
      railties (>= 4.1.0)
      responders
      warden (~> 1.2.3)
    devise-encryptable (0.2.0)
      devise (>= 2.1.0)
    diff-lcs (1.4.4)
    docile (1.3.0)
    domain_name (0.5.20190701)
      unf (>= 0.0.5, < 1.0.0)
    dotenv (2.2.1)
    dotenv-rails (2.2.1)
      dotenv (= 2.2.1)
      railties (>= 3.2, < 5.2)
    dragonfly (1.2.0)
      addressable (~> 2.3)
      multi_json (~> 1.0)
      rack (>= 1.3)
    draper (2.1.0)
      actionpack (>= 3.0)
      activemodel (>= 3.0)
      activesupport (>= 3.0)
      request_store (~> 1.0)
    ejs (1.1.1)
    email_spec (1.6.0)
      launchy (~> 2.1)
      mail (~> 2.2)
    email_validator (1.4.0)
      activemodel
    encryptor (3.0.0)
    erubi (1.7.1)
    erubis (2.7.0)
    execjs (2.9.1)
    factory_bot (4.10.0)
      activesupport (>= 3.0.0)
    faker (1.8.7)
      i18n (>= 0.7)
    faraday (0.9.2)
      multipart-post (>= 1.2, < 3)
    faraday-conductivity (0.3.1)
      faraday (~> 0.8)
    faraday_middleware (0.12.2)
      faraday (>= 0.7.4, < 1.0)
    feedback (0.5.1)
      delayed_job_active_record
      dough-ruby (~> 5.0)
      rails (>= 4, < 5)
    foreman (0.84.0)
      thor (~> 0.19.1)
    formtastic (2.3.1)
      actionpack (>= 3.0)
    formtastic-bootstrap (2.1.3)
      formtastic (~> 2.2)
    friendly_id (5.5.1)
      activerecord (>= 4.0.0)
    geokit (1.14.0)
    geokit-rails (2.5.0)
      geokit (~> 1.5)
      rails (>= 3.0)
    gherkin (5.0.0)
    globalid (0.4.2)
      activesupport (>= 4.2.0)
    haml (5.1.0)
      temple (>= 0.8.0)
      tilt
    haml-rails (1.0.0)
      actionpack (>= 4.0.1)
      activesupport (>= 4.0.1)
      haml (>= 4.0.6, < 6.0)
      html2haml (>= 1.0.1)
      railties (>= 4.0.1)
    handlebars_assets (0.13.0)
      execjs (>= 1.2.9)
      sprockets (>= 2.0.3)
      tilt
    hashdiff (1.0.1)
    hashie (2.0.5)
    hike (1.2.3)
    historyjs-rails (1.0.1)
      railties (>= 3.0)
    html2haml (2.2.0)
      erubis (~> 2.7.0)
      haml (>= 4.0, < 6)
      nokogiri (>= 1.6.0)
      ruby_parser (~> 3.5)
    html_validation (1.1.5)
    htmlentities (4.3.4)
    http-accept (1.7.0)
    http-cookie (1.0.4)
      domain_name (~> 0.5)
    i18n (0.9.5)
      concurrent-ruby (~> 1.0)
    i18n-js (3.0.0.mas)
      i18n
    icalendar (2.10.1)
      ice_cube (~> 0.16)
    ice_cube (0.16.4)
    interception (0.5)
    jbuilder (2.9.1)
      activesupport (>= 4.2.0)
    jquery-rails (4.6.0)
      rails-dom-testing (>= 1, < 3)
      railties (>= 4.2.0)
      thor (>= 0.14, < 2.0)
    js-routes (1.1.2)
      railties (>= 3.2)
      sprockets-rails
    jshint_ruby (0.1)
      execjs
    json (2.5.1)
    jwt (1.5.6)
    kaminari (1.2.2)
      activesupport (>= 4.1.0)
      kaminari-actionview (= 1.2.2)
      kaminari-activerecord (= 1.2.2)
      kaminari-core (= 1.2.2)
    kaminari-actionview (1.2.2)
      actionview
      kaminari-core (= 1.2.2)
    kaminari-activerecord (1.2.2)
      activerecord
      kaminari-core (= 1.2.2)
    kaminari-core (1.2.2)
    kss (0.5.0)
    launchy (2.4.3)
      addressable (~> 2.3)
    letter_opener (1.6.0)
      launchy (~> 2.2)
    link_header (0.0.8)
    lograge (0.14.0)
      actionpack (>= 4)
      activesupport (>= 4)
      railties (>= 4)
      request_store (~> 1.0)
    loofah (2.22.0)
      crass (~> 1.0.2)
      nokogiri (>= 1.12.0)
    mail (2.8.1)
      mini_mime (>= 0.1.1)
      net-imap
      net-pop
      net-smtp
    mailjet (1.5.4)
      activesupport (>= 3.1.0)
      rack (>= 1.4.0)
      rest-client
    mas-cms-client (1.20.1)
      activemodel (>= 4.2)
      activesupport (>= 4.2)
      faraday (~> 0.9.2)
      faraday-conductivity (~> 0.3.1)
      faraday_middleware (~> 0.12.2)
      rubytree (~> 1.0.0)
    mas-fonts (0.0.2.6)
      rails
    mas-mailer (0.3.2.15)
      delayed_job_active_record
      hashie
    mas-templating (1.0.0.18)
    meta-tags (2.19.0)
      actionpack (>= 3.2.0, < 7.2)
    method_source (1.1.0)
    mime-types (3.4.1)
      mime-types-data (~> 3.2015)
    mime-types-data (3.2022.0105)
    mini_mime (1.1.5)
    mini_portile2 (2.8.7)
    minitest (5.25.1)
    modernizr-rails (2.6.3)
    mortgage_calculator (4.6.0)
      angularjs-rails (~> 1.2.18)
      dough-ruby (~> 5.36)
      mas-fonts
      modernizr-rails
      rails (>= 4, < 5)
      sass-rails
      sprockets (< 4)
      underscore-rails
    multi_json (1.15.0)
    multi_test (0.1.2)
    multipart-post (2.1.1)
    mysql2 (0.5.4)
    net-http (0.3.2)
      uri
    net-imap (0.4.16)
      date
      net-protocol
    net-pop (0.1.2)
      net-protocol
    net-protocol (0.2.2)
      timeout
    net-smtp (0.5.0)
      net-protocol
    netrc (0.11.0)
    nio4r (2.7.0)
    nokogiri (1.15.6)
      mini_portile2 (~> 2.8.2)
      racc (~> 1.4)
    nokogiri (1.15.6-x86_64-darwin)
      racc (~> 1.4)
    nunes (0.5.0)
    opening_hours (0.0.7)
      activesupport
    orm_adapter (0.5.0)
    parallel (1.12.1)
    parser (2.5.0.5)
      ast (~> 2.4.0)
    payday_loans_intervention (1.9.0)
      autoprefixer-rails
      dough-ruby (~> 5.0)
      historyjs-rails
      modernizr-rails
      rails (>= 4, < 5)
      sass-rails
    postcode_anywhere-email_validation (0.2.0)
      activemodel (~> 4.2)
      rest-client (~> 2.0)
    powerpack (0.1.1)
    pry (0.14.2)
      coderay (~> 1.1)
      method_source (~> 1.0)
    pry-byebug (3.10.1)
      byebug (~> 11.0)
      pry (>= 0.13, < 0.15)
    pry-rails (0.3.11)
      pry (>= 0.13.0)
    pry-rescue (1.6.0)
      interception (>= 0.5)
      pry (>= 0.12.0)
    psych (3.0.2)
    public_suffix (5.1.1)
    puma (6.4.2)
      nio4r (~> 2.0)
    quiz (1.4.0)
      cocoon
      devise
      dragonfly (>= 1.0.0)
      formtastic-bootstrap (>= 2.1, < 3)
      friendly_id (>= 5.0)
      rails (>= 4, < 5)
    racc (1.8.1)
    rack-accept (0.4.5)
      rack (>= 0.4)
    rack-livereload (0.3.17)
      rack
    rack-rewrite (1.5.1)
    rack-test (0.6.3)
      rack (>= 1.0)
    rails (4.2.11.37)
      actionmailer (= 4.2.11.37)
      actionpack (= 4.2.11.37)
      actionview (= 4.2.11.37)
      activejob (= 4.2.11.37)
      activemodel (= 4.2.11.37)
      activerecord (= 4.2.11.37)
      activesupport (= 4.2.11.37)
      bundler (>= 1.3.0)
      railslts-version (= 4.2.11.37)
      railties (= 4.2.11.37)
      sprockets-rails
    rails-deprecated_sanitizer (1.0.4)
      activesupport (>= 4.2.0.alpha)
    rails-dom-testing (1.0.9)
      activesupport (>= 4.2.0, < 5.0)
      nokogiri (~> 1.6)
      rails-deprecated_sanitizer (>= 1.0.1)
    rails-html-sanitizer (1.6.0)
      loofah (~> 2.21)
      nokogiri (~> 1.14)
    rails_12factor (0.0.3)
      rails_serve_static_assets
      rails_stdout_logging
    rails_serve_static_assets (0.0.5)
    rails_stdout_logging (0.0.5)
    railslts-version (4.2.11.37)
    railties (4.2.11.37)
      actionpack (= 4.2.11.37)
      activesupport (= 4.2.11.37)
      rake (>= 0.8.7)
      thor (>= 0.18.1, < 2.0)
    rainbow (3.0.0)
    rake (13.2.1)
    ranked-model (0.4.2)
      activerecord (>= 4.1.16)
    rb-readline (0.5.5)
    rdoc (6.0.3)
    recaptcha (4.14.0)
      json
    redcarpet (3.2.3)
    request_store (1.7.0)
      rack (>= 1.4)
    responders (2.4.1)
      actionpack (>= 4.2.0, < 6.0)
      railties (>= 4.2.0, < 6.0)
    rest-client (2.1.0)
      http-accept (>= 1.7.0, < 2.0)
      http-cookie (>= 1.0.2, < 2.0)
      mime-types (>= 1.16, < 4.0)
      netrc (~> 0.8)
    rexml (3.2.5)
    roadie (2.4.3)
      actionmailer (> 3.0.0, < 5.0.0)
      css_parser (~> 1.3.4)
      nokogiri (> 1.5.0)
      sprockets
    rollbar (3.4.0)
    rouge (3.1.1)
    rspec (3.7.0)
      rspec-core (~> 3.7.0)
      rspec-expectations (~> 3.7.0)
      rspec-mocks (~> 3.7.0)
    rspec-core (3.7.1)
      rspec-support (~> 3.7.0)
    rspec-expectations (3.7.0)
      diff-lcs (>= 1.2.0, < 2.0)
      rspec-support (~> 3.7.0)
    rspec-html-matchers (0.9.1)
      nokogiri (~> 1)
      rspec (>= 3.0.0.a, < 4)
    rspec-mocks (3.7.0)
      diff-lcs (>= 1.2.0, < 2.0)
      rspec-support (~> 3.7.0)
    rspec-rails (3.7.2)
      actionpack (>= 3.0)
      activesupport (>= 3.0)
      railties (>= 3.0)
      rspec-core (~> 3.7.0)
      rspec-expectations (~> 3.7.0)
      rspec-mocks (~> 3.7.0)
      rspec-support (~> 3.7.0)
    rspec-support (3.7.1)
    rspec_junit_formatter (0.3.0)
      rspec-core (>= 2, < 4, != 2.12.0)
    rubocop (0.54.0)
      parallel (~> 1.10)
      parser (>= 2.5)
      powerpack (~> 0.1)
      rainbow (>= 2.2.2, < 4.0)
      ruby-progressbar (~> 1.7)
      unicode-display_width (~> 1.0, >= 1.0.1)
    ruby-ole (1.2.13.1)
    ruby-progressbar (1.9.0)
    ruby_parser (3.13.1)
      sexp_processor (~> 4.9)
    rubytree (1.0.0)
      json (~> 2.1)
      structured_warnings (~> 0.3)
    rubyzip (1.3.0)
    sass (3.2.19)
    sass-rails (4.0.5)
      railties (>= 4.0.0, < 5.0)
      sass (~> 3.2.2)
      sprockets (~> 2.8, < 3.0)
      sprockets-rails (~> 2.0)
    sdoc (1.0.0)
      rdoc (>= 5.0)
    selenium-webdriver (4.9.0)
      rexml (~> 3.2, >= 3.2.5)
      rubyzip (>= 1.2.2, < 3.0)
      websocket (~> 1.0)
    sexp_processor (4.12.0)
    shoulda-matchers (3.1.2)
      activesupport (>= 4.0.0)
    simplecov (0.16.1)
      docile (~> 1.1)
      json (>= 1.8, < 3)
      simplecov-html (~> 0.10.0)
    simplecov-html (0.10.2)
    site_prism (2.11)
      addressable (~> 2.4)
      capybara (~> 2.7)
    spreadsheet (1.2.8)
      ruby-ole
    sprockets (2.12.5)
      hike (~> 1.2)
      multi_json (~> 1.0)
      rack (~> 1.0)
      tilt (~> 1.1, != 1.3.0)
    sprockets-rails (2.3.3)
      actionpack (>= 3.0)
      activesupport (>= 3.0)
      sprockets (>= 2.8, < 4.0)
    statsd-ruby (1.4.0)
    structured_warnings (0.4.0)
    sucker_punch (2.1.1)
      concurrent-ruby (~> 1.0)
    syslog-logger (1.6.8)
    temple (0.8.1)
    thor (0.19.4)
    thread_safe (0.3.6)
    tidy-html5 (0.1.2)
    tilt (1.4.1)
    timecop (0.9.1)
    timeout (0.4.1)
    transitions (0.1.13)
    turnout (2.4.1)
      i18n (~> 0.7)
      rack (>= 1.3, < 3)
      rack-accept (~> 0.4)
      tilt (>= 1.4, < 3)
    tzinfo (1.2.11)
      thread_safe (~> 0.1)
    uglifier (4.2.0)
      execjs (>= 0.3.0, < 3)
    uk_postcode (2.1.8)
    underscore-rails (1.8.3)
    unf (0.1.4)
      unf_ext
    unf_ext (0.0.8)
    unicode-display_width (1.8.0)
    uri (0.10.0)
    uri_template (0.7.0)
    validate_url (1.0.0)
      activemodel (>= 3.0.0)
      addressable
    vcr (4.0.0)
    warden (1.2.7)
      rack (>= 1.0)
    warning (1.3.0)
    webmock (3.5.1)
      addressable (>= 2.3.6)
      crack (>= 0.3.2)
      hashdiff
    websocket (1.2.10)
    websocket-extensions (0.1.5)
    whenever (0.10.0)
      chronic (>= 0.6.3)
    xpath (3.0.0)
      nokogiri (~> 1.8)

PLATFORMS
  ruby
  x86_64-darwin-20

DEPENDENCIES
  action_plans!
  actionmailer!
  actionpack!
  actionview!
  activejob!
  activemodel!
  activerecord!
  activerecord-session_store
  activesupport!
  adal!
  advice_plans (~> 4.1.1)
  aes!
  agreements (~> 2.5.0)
  attr_encrypted (~> 3.1)
  autoprefixer-rails
  better_errors
  binding_of_caller
  blind_index (= 0.2.0)
  bowndler (~> 1.0)
  budget_planner!
  byebug
  capybara
  chai-jquery-rails
  chronic
  codeclimate-test-reporter (= 0.6.0)
  cost_calculator_builder!
  cream (= 2.1.8)
  csslint_ruby
  cucumber-rails
  cutback_calculator (~> 0.13.0)
  database_cleaner
  debt_advice_locator!
  debt_and_mental_health (~> 1.6.0)
  debt_free_day_calculator!
  debt_test (~> 1.9.0)
  decision_trees (~> 2.3.0)
  delayed_job_active_record
  devise (~> 4.7.1)
  devise-encryptable
  dotenv
  dotenv-rails
  dough-ruby!
  draper (< 3)
  ejs
  email_spec (< 2)
  factory_bot
  faker
  faraday (= 0.9.2)
  faraday-conductivity
  faraday_middleware
  feedback (~> 0.5.1)
  foreman
  html_validation
  jshint_ruby
  kss
  letter_opener
  link_header
  lograge
  mail
  mailjet
  mas-cms-client (= 1.20.1)
  meta-tags (~> 2.4)
  mortgage_calculator (~> 4.6.0)
  mysql2
  net-http
  net-imap
  net-smtp
  nokogiri
  nunes
  opening_hours
  payday_loans_intervention (~> 1.9.0)
  pensions_calculator!
  postcode_anywhere-email_validation!
  pry-byebug
  pry-rails
  pry-rescue
  psych (>= 2.0.5)
  puma
  quiz (~> 1.4.0)!
  rack!
  rack-livereload
  rack-rewrite
  rails (~> 4.2.11)!
  rails_12factor
  railslts-version!
  railties!
  rb-readline
  recaptcha
  redcarpet
  rest-client (~> 2.0)
  rollbar
  rouge
  rspec-html-matchers
  rspec-rails
  rspec_junit_formatter
  rubocop
  rubytree (~> 1)
  sass-rails
  savings_calculator!
  sdoc
  selenium-webdriver
  shoulda-matchers
  site_prism
  statsd-ruby
  sucker_punch
  syslog-logger
  tidy-html5
  timecop
  timelines!
  turnout
  uglifier
  uri (= 0.10.0)
  vcr
  warning (~> 1.3)
  webmock (~> 3.5.0)
  websocket-extensions (>= 0.1.5)
  whenever
  wpcc!

RUBY VERSION
   ruby 2.7.7p221

BUNDLED WITH
   1.17.3
