GIT
  remote: git://github.com/moneyadviceservice/meta-tags.git
  revision: f1e5b0988030d482da45d5bdf220bd1de4e90f40
  specs:
    meta-tags (2.0.0)
      actionpack (>= 3.0.0)

GIT
  remote: git://github.com/moneyadviceservice/tidy-html5-gem.git
  revision: 54b78c66e94b32ab73d9907508857f4ceee5e032
  specs:
    tidy-html5 (0.1.1)

GIT
  remote: git@github.com:moneyadviceservice/mas-assets
  revision: 2e3ec1c60637f1ab30df999ace0d2795ebd4e216
  specs:
    mas-assets (1.2.0)
      compass-rails
      google-analytics-rails
      sass
      sass-rails

GEM
  remote: https://rubygems.org/
  remote: http://gems.dev.mas.local/
  specs:
    action_plans (4.3.0.338)
      autoprefixer-rails
      dough-ruby (~> 5.0)
      draper
      hashie
      rails (>= 4, < 5)
      sass-rails
    actionmailer (4.1.8)
      actionpack (= 4.1.8)
      actionview (= 4.1.8)
      mail (~> 2.5, >= 2.5.4)
    actionpack (4.1.8)
      actionview (= 4.1.8)
      activesupport (= 4.1.8)
      rack (~> 1.5.2)
      rack-test (~> 0.6.2)
    actionview (4.1.8)
      activesupport (= 4.1.8)
      builder (~> 3.1)
      erubis (~> 2.7.0)
    active_attr (0.9.0)
      activemodel (>= 3.0.2, < 5.1)
      activesupport (>= 3.0.2, < 5.1)
    active_model_serializers (0.9.5)
      activemodel (>= 3.2)
    activemodel (4.1.8)
      activesupport (= 4.1.8)
      builder (~> 3.1)
    activerecord (4.1.8)
      activemodel (= 4.1.8)
      activesupport (= 4.1.8)
      arel (~> 5.0.0)
    activerecord-session_store (1.0.0)
      actionpack (>= 4.0, < 5.1)
      activerecord (>= 4.0, < 5.1)
      multi_json (~> 1.11, >= 1.11.2)
      rack (>= 1.5.2, < 3)
      railties (>= 4.0, < 5.1)
    activesupport (4.1.8)
      i18n (~> 0.6, >= 0.6.9)
      json (~> 1.7, >= 1.7.7)
      minitest (~> 5.1)
      thread_safe (~> 0.1)
      tzinfo (~> 1.1)
    addressable (2.3.8)
    advice_plans (3.2.0.366)
      devise (~> 3.2)
      dough-ruby (~> 5.0)
      friendly_id (>= 5.1.0)
      hashie
      i18n-js (= 3.0.0.mas)
      jquery-rails-cdn
      kaminari (~> 0.16.1)
      meta-tags
      rails (>= 4, < 5)
      redcarpet (~> 3.2.0)
      sass-rails
      transitions (~> 0.1.11)
    aes (0.5.0)
    agreements (2.1.0.74)
      dough-ruby (~> 5.0)
      hashie (~> 2.0.5)
      meta-tags
      rails (>= 4, < 5)
      sass-rails
    angularjs-rails (1.2.26)
    arel (5.0.1.20140414130214)
    ast (2.0.0)
    astrolabe (1.3.0)
      parser (>= 2.2.0.pre.3, < 3.0)
    autoprefixer-rails (6.4.0.3)
      execjs
    baby_cost_calculator (0.3.0)
      rails (>= 4, < 5)
    bcrypt (3.1.11)
    better_errors (1.1.0)
      coderay (>= 1.0.0)
      erubis (>= 2.6.6)
    bigdecimal (1.2.7)
    binding_of_caller (0.7.2)
      debug_inspector (>= 0.0.1)
    bowndler (1.0.2)
      thor
    budget_planner (4.2.0.731)
      i18n-js (= 3.0.0.mas)
      jquery-rails
      jquery-ui-rails (~> 4.0)
      js-routes (= 1.1.2)
      mas-mailer (~> 0.3)
      modernizr-rails (~> 2.6.2)
      rails (>= 4, < 5)
      sass-rails
      spreadsheet
    bugsnag (2.8.12)
      json (~> 1.7, >= 1.7.7)
    builder (3.2.2)
    byebug (2.7.0)
      columnize (~> 0.3)
      debugger-linecache (~> 1.2)
    capybara (2.6.2)
      addressable
      mime-types (>= 1.16)
      nokogiri (>= 1.3.3)
      rack (>= 1.0.0)
      rack-test (>= 0.5.4)
      xpath (~> 2.0)
    car_cost_tool (1.1.0.120)
      dough-ruby (~> 5.0)
      nokogiri
      rails (>= 4, < 5)
      rest-client
      roo (< 2.5.0)
      roo-xls (<= 1)
      sass-rails
    celluloid (0.15.2)
      timers (~> 1.1.0)
    chai-jquery-rails (1.2.1)
      railties (>= 3.1)
      sprockets
    chronic (0.10.2)
    chunky_png (1.3.3)
    cliver (0.3.2)
    cocoon (1.2.9)
    codeclimate-test-reporter (0.3.0)
      simplecov (>= 0.7.1, < 1.0.0)
    coderay (1.1.0)
    coffee-rails (4.0.1)
      coffee-script (>= 2.2.0)
      railties (>= 4.0.0, < 5.0)
    coffee-script (2.4.1)
      coffee-script-source
      execjs
    coffee-script-source (1.10.0)
    columnize (0.3.6)
    compass (0.12.7)
      chunky_png (~> 1.2)
      fssm (>= 0.2.7)
      sass (~> 3.2.19)
    compass-rails (2.0.0)
      compass (>= 0.12.2)
    contribution_calculator (0.1.0)
      rails (>= 4, < 5)
    cost_calculator_builder (0.2.0)
      bowndler
      dough-ruby (~> 5.0)
      friendly_id (>= 5.1.0)
      rails (>= 4, < 5)
    crack (0.4.2)
      safe_yaml (~> 1.0.0)
    cream (0.3.0)
      faraday (~> 0.8.7)
      faraday_middleware (~> 0.9.0)
      mechanize (= 2.5.1)
    css_parser (1.3.7)
      addressable
    csslint_ruby (0.0.2)
      execjs
    cucumber (1.3.16)
      builder (>= 2.1.2)
      diff-lcs (>= 1.1.3)
      gherkin (~> 2.12)
      multi_json (>= 1.7.5, < 2.0)
      multi_test (>= 0.1.1)
    cucumber-rails (1.4.1)
      capybara (>= 1.1.2, < 3)
      cucumber (>= 1.3.8, < 2)
      mime-types (~> 1.16)
      nokogiri (~> 1.5)
      rails (>= 3, < 5)
    cutback_calculator (0.11.0)
      autoprefixer-rails
      dough-ruby (~> 5.0)
      meta-tags
      rails (>= 4, < 5)
      responders
      sass-rails
    database_cleaner (1.3.0)
    debt_advice_locator (2.3.0.103)
      active_attr
      active_model_serializers (< 0.10.0)
      addressable
      bcrypt
      coffee-rails
      dough-ruby (~> 5.0)
      draper (< 3)
      geokit-rails
      kaminari
      mas-templating (~> 1.0.0)
      rails (>= 4, < 5)
      redcarpet
      sass-rails
      validate_url
    debt_and_mental_health (1.1.0.35)
      bcrypt
      haml-rails
      jbuilder
      jquery-rails
      jquery-ui-rails (~> 4.0)
      rails (>= 4, < 5)
      ranked-model
      responders
      sass-rails
    debt_finance_calculator (1.1.0.8)
      bigdecimal (> 1.2.3)
    debt_free_day_calculator (2.2.0.160)
      autoprefixer-rails
      debt_finance_calculator (~> 1.1.0)
      dough-ruby (~> 5.0)
      draper (< 3)
      email_validator (~> 1.4.0)
      i18n-js (= 3.0.0.mas)
      jquery-rails
      meta-tags
      rails (>= 4, < 5)
      roadie (< 3)
      sass-rails
    debt_test (1.5.0.30)
      autoprefixer-rails
      dough-ruby (~> 5.0)
      historyjs-rails
      jquery-rails
      rails (>= 4, < 5)
      sass-rails
    debug_inspector (0.0.2)
    debugger-linecache (1.2.0)
    decision_trees (2.1.0.116)
      dough-ruby (~> 5.0)
      handlebars_assets (~> 0.13.0)
      htmlentities
      i18n-js
      jquery-rails
      meta-tags
      nokogiri
      rails (>= 4, < 5)
      sass-rails
    delayed_job (4.1.1)
      activesupport (>= 3.0, < 5.0)
    delayed_job_active_record (4.1.0)
      activerecord (>= 3.0, < 5)
      delayed_job (>= 3.0, < 5)
    devise (3.2.4)
      bcrypt (~> 3.0)
      orm_adapter (~> 0.1)
      railties (>= 3.2.6, < 5)
      thread_safe (~> 0.1)
      warden (~> 1.2.3)
    devise-encryptable (0.2.0)
      devise (>= 2.1.0)
    diff-lcs (1.2.5)
    docile (1.1.3)
    domain_name (0.5.20160615)
      unf (>= 0.0.5, < 1.0.0)
    dotenv (0.10.0)
    dotenv-rails (0.10.0)
      dotenv (= 0.10.0)
    dough-ruby (5.19.0.281)
      activesupport
      rails (>= 3.2)
      sass-rails (~> 4.0.0)
    dragonfly (1.0.12)
      addressable (~> 2.3)
      multi_json (~> 1.0)
      rack (>= 1.3.0)
    draper (2.1.0)
      actionpack (>= 3.0)
      activemodel (>= 3.0)
      activesupport (>= 3.0)
      request_store (~> 1.0)
    ejs (1.1.1)
    email_spec (1.6.0)
      launchy (~> 2.1)
      mail (~> 2.2)
    email_validator (1.4.0)
      activemodel
    erubis (2.7.0)
    execjs (2.7.0)
    factory_girl (4.4.0)
      activesupport (>= 3.0.0)
    faker (1.3.0)
      i18n (~> 0.5)
    faraday (0.8.10)
      multipart-post (~> 1.2.0)
    faraday-conductivity (0.3.0)
      faraday (~> 0.8)
    faraday_middleware (0.9.2)
      faraday (>= 0.7.4, < 0.10)
    feature (1.3.0)
    feedback (0.4.0.49)
      delayed_job_active_record
      dough-ruby (~> 5.0)
      rails (>= 4, < 5)
    ffi (1.9.3)
    foreman (0.82.0)
      thor (~> 0.19.1)
    formatador (0.2.5)
    formtastic (2.3.1)
      actionpack (>= 3.0)
    formtastic-bootstrap (2.1.3)
      formtastic (~> 2.2)
    friendly_id (5.1.0)
      activerecord (>= 4.0.0)
    fssm (0.2.10)
    geokit (1.10.0)
    geokit-rails (2.2.0)
      geokit (~> 1.5)
      rails (>= 3.0)
    gherkin (2.12.2)
      multi_json (~> 1.3)
    google-analytics-rails (0.0.6)
    guard (2.6.1)
      formatador (>= 0.2.4)
      listen (~> 2.7)
      lumberjack (~> 1.0)
      pry (>= 0.9.12)
      thor (>= 0.18.1)
    guard-rubocop (1.1.0)
      guard (~> 2.0)
      rubocop (~> 0.20)
    haml (4.0.7)
      tilt
    haml-rails (0.9.0)
      actionpack (>= 4.0.1)
      activesupport (>= 4.0.1)
      haml (>= 4.0.6, < 5.0)
      html2haml (>= 1.0.1)
      railties (>= 4.0.1)
    handlebars_assets (0.13.0)
      execjs (>= 1.2.9)
      sprockets (>= 2.0.3)
      tilt
    hashie (2.0.5)
    hike (1.2.3)
    historyjs-rails (1.0.1)
      railties (>= 3.0)
    html2haml (2.0.0)
      erubis (~> 2.7.0)
      haml (~> 4.0.0)
      nokogiri (~> 1.6.0)
      ruby_parser (~> 3.5)
    html_validation (1.1.2)
    htmlentities (4.3.4)
    http-cookie (1.0.2)
      domain_name (~> 0.5)
    i18n (0.7.0)
    i18n-js (3.0.0.mas)
      i18n
    icalendar (2.4.0)
    interception (0.5)
    jbuilder (2.6.0)
      activesupport (>= 3.0.0, < 5.1)
      multi_json (~> 1.2)
    jquery-rails (3.1.2)
      railties (>= 3.0, < 5.0)
      thor (>= 0.14, < 2.0)
    jquery-rails-cdn (1.1.2)
      jquery-rails
    jquery-ui-rails (4.2.1)
      railties (>= 3.2.16)
    js-routes (1.1.2)
      railties (>= 3.2)
      sprockets-rails
    jshint_ruby (0.1)
      execjs
    json (1.8.3)
    kaminari (0.16.3)
      actionpack (>= 3.0.0)
      activesupport (>= 3.0.0)
    kgio (2.9.2)
    kss (0.5.0)
    launchy (2.4.2)
      addressable (~> 2.3)
    letter_opener (1.2.0)
      launchy (~> 2.2)
    link_header (0.0.8)
    listen (2.7.8)
      celluloid (>= 0.15.2)
      rb-fsevent (>= 0.9.3)
      rb-inotify (>= 0.9)
    lumberjack (1.0.7)
    mail (2.6.4)
      mime-types (>= 1.16, < 4)
    mailjet (1.0.0)
      activesupport (>= 3.1.0)
      rack (>= 1.4.0)
      rest-client
    mas-fonts (0.0.2.5)
      rails
    mas-mailer (0.3.2.15)
      delayed_job_active_record
      hashie
    mas-templating (1.0.0.18)
    mechanize (2.5.1)
      domain_name (~> 0.5, >= 0.5.1)
      mime-types (~> 1.17, >= 1.17.2)
      net-http-digest_auth (~> 1.1, >= 1.1.1)
      net-http-persistent (~> 2.5, >= 2.5.2)
      nokogiri (~> 1.4)
      ntlm-http (~> 0.1, >= 0.1.1)
      webrobots (~> 0.0, >= 0.0.9)
    method_source (0.8.2)
    mime-types (1.25.1)
    mini_portile2 (2.1.0)
    minitest (5.9.0)
    modernizr-rails (2.6.3)
    mortgage_calculator (1.5.0.650)
      angularjs-rails (~> 1.2.18)
      dough-ruby (~> 5.0)
      jquery-rails
      mas-fonts
      modernizr-rails
      rails (>= 4, < 5)
      sass-rails
      underscore-rails
    multi_json (1.12.1)
    multi_test (0.1.1)
    multipart-post (1.2.0)
    mysql2 (0.3.20)
    net-http-digest_auth (1.4)
    net-http-persistent (2.9.4)
    netrc (0.11.0)
    newrelic_rpm (3.9.5.251)
    nokogiri (1.6.8)
      mini_portile2 (~> 2.1.0)
      pkg-config (~> 1.1.7)
    ntlm-http (0.1.1)
    nunes (0.3.1)
    opening_hours (0.0.7)
      activesupport
    orm_adapter (0.5.0)
    parser (2.2.0.pre.5)
      ast (>= 1.1, < 3.0)
      slop (~> 3.4, >= 3.4.5)
    payday_loans_intervention (1.5.0.254)
      autoprefixer-rails
      dough-ruby (~> 5.0)
      historyjs-rails
      jquery-rails
      rails (>= 4, < 5)
      sass-rails
    pensions_calculator (1.2.1.547)
      autoprefixer-rails
      dough-ruby (~> 5.0)
      meta-tags
      pensions_calculator-calculations (~> 1.4.0)
      rails (>= 4, < 5)
      responders
      sass-rails
      uglifier
    pensions_calculator-calculations (1.4.0.12)
      activesupport
    pkg-config (1.1.7)
    poltergeist (1.9.0)
      capybara (~> 2.1)
      cliver (~> 0.3.1)
      multi_json (~> 1.0)
      websocket-driver (>= 0.2.0)
    postcode_anywhere-email_validation (0.1.0)
      activemodel (>= 3.2)
      rest-client (~> 1.6)
    powerpack (0.0.9)
    pry (0.10.1)
      coderay (~> 1.1.0)
      method_source (~> 0.8.1)
      slop (~> 3.4)
    pry-rails (0.3.2)
      pry (>= 0.9.10)
    pry-rescue (1.4.1)
      interception (>= 0.5)
      pry
    psych (2.0.5)
    quiz (1.1.0.109)
      cocoon
      devise
      dragonfly (>= 1.0.0)
      formtastic-bootstrap (>= 2.1, < 3)
      friendly_id (>= 5.0)
      jquery-rails
      rails (>= 4, < 5)
    rack (1.5.5)
    rack-livereload (0.3.15)
      rack
    rack-test (0.6.3)
      rack (>= 1.0)
    rails (4.1.8)
      actionmailer (= 4.1.8)
      actionpack (= 4.1.8)
      actionview (= 4.1.8)
      activemodel (= 4.1.8)
      activerecord (= 4.1.8)
      activesupport (= 4.1.8)
      bundler (>= 1.3.0, < 2.0)
      railties (= 4.1.8)
      sprockets-rails (~> 2.0)
    railties (4.1.8)
      actionpack (= 4.1.8)
      activesupport (= 4.1.8)
      rake (>= 0.8.7)
      thor (>= 0.18.1, < 2.0)
    rainbow (2.0.0)
    raindrops (0.13.0)
    rake (11.3.0)
    ranked-model (0.4.0)
      activerecord (>= 3.1.12)
    rb-fsevent (0.9.4)
    rb-inotify (0.9.5)
      ffi (>= 0.5.0)
    rdoc (4.1.1)
      json (~> 1.4)
    redcarpet (3.2.3)
    request_store (1.3.1)
    responders (1.1.2)
      railties (>= 3.2, < 4.2)
    rest-client (1.8.0)
      http-cookie (>= 1.0.2, < 2.0)
      mime-types (>= 1.16, < 3.0)
      netrc (~> 0.7)
    rio (1.7.1)
      bowndler
      dough-ruby
      pensions_calculator-calculations (~> 1.4.0)
      rails (>= 4, < 5)
    roadie (2.4.3)
      actionmailer (> 3.0.0, < 5.0.0)
      css_parser (~> 1.3.4)
      nokogiri (> 1.5.0)
      sprockets
    roo (2.4.0)
      nokogiri (~> 1)
      rubyzip (~> 1.1, < 2.0.0)
    roo-xls (1.0.0)
      nokogiri
      roo (>= 2.0.0beta1, < 3)
      spreadsheet (> 0.9.0)
    rouge (1.3.3)
    rspec (3.0.0)
      rspec-core (~> 3.0.0)
      rspec-expectations (~> 3.0.0)
      rspec-mocks (~> 3.0.0)
    rspec-core (3.0.4)
      rspec-support (~> 3.0.0)
    rspec-expectations (3.0.4)
      diff-lcs (>= 1.2.0, < 2.0)
      rspec-support (~> 3.0.0)
    rspec-html-matchers (0.7.0)
      nokogiri (~> 1)
      rspec (~> 3)
    rspec-mocks (3.0.4)
      rspec-support (~> 3.0.0)
    rspec-rails (3.0.2)
      actionpack (>= 3.0)
      activesupport (>= 3.0)
      railties (>= 3.0)
      rspec-core (~> 3.0.0)
      rspec-expectations (~> 3.0.0)
      rspec-mocks (~> 3.0.0)
      rspec-support (~> 3.0.0)
    rspec-support (3.0.4)
    rspec_junit_formatter (0.2.0)
      builder (< 4)
      rspec (>= 2, < 4)
      rspec-core (!= 2.12.0)
    rubocop (0.26.1)
      astrolabe (~> 1.3)
      parser (>= 2.2.0.pre.4, < 3.0)
      powerpack (~> 0.0.6)
      rainbow (>= 1.99.1, < 3.0)
      ruby-progressbar (~> 1.4)
    ruby-ole (1.2.12)
    ruby-progressbar (1.6.0)
    ruby_parser (3.8.2)
      sexp_processor (~> 4.1)
    rubytree (0.9.3)
      json (~> 1.8)
      structured_warnings (~> 0.1)
    rubyzip (1.2.0)
    safe_yaml (1.0.3)
    sass (3.2.19)
    sass-rails (4.0.5)
      railties (>= 4.0.0, < 5.0)
      sass (~> 3.2.2)
      sprockets (~> 2.8, < 3.0)
      sprockets-rails (~> 2.0)
    savings_calculator (1.6.0.143)
      autoprefixer-rails
      dough-ruby (~> 5.0)
      jquery-rails
      mas-fonts
      meta-tags
      rails (>= 4, < 5)
      sass-rails
    sdoc (0.4.0)
      json (~> 1.8)
      rdoc (~> 4.0, < 5.0)
    sexp_processor (4.7.0)
    shoulda-matchers (2.6.2)
      activesupport (>= 3.0.0)
    simplecov (0.8.2)
      docile (~> 1.1.0)
      multi_json
      simplecov-html (~> 0.8.0)
    simplecov-html (0.8.0)
    site_prism (2.6)
      addressable (~> 2.3.3)
      capybara (>= 2.1, < 3.0)
    slop (3.6.0)
    spreadsheet (1.1.3)
      ruby-ole (>= 1.0)
    sprockets (2.12.4)
      hike (~> 1.2)
      multi_json (~> 1.0)
      rack (~> 1.0)
      tilt (~> 1.1, != 1.3.0)
    sprockets-rails (2.3.3)
      actionpack (>= 3.0)
      activesupport (>= 3.0)
      sprockets (>= 2.8, < 4.0)
    sqlite3 (1.3.9)
    statsd-ruby (1.2.1)
    structured_warnings (0.1.4)
    syslog-logger (1.6.8)
    thor (0.19.1)
    thread_safe (0.3.5)
    tilt (1.4.1)
    timecop (0.7.1)
    timelines (1.3.0.304)
      bowndler
      icalendar
      jquery-rails
      mas-templating
      rails (>= 4, < 5)
      sass-rails
    timers (1.1.0)
    transitions (0.1.13)
    tzinfo (1.2.2)
      thread_safe (~> 0.1)
    uglifier (3.0.2)
      execjs (>= 0.3.0, < 3)
    underscore-rails (1.8.3)
    unf (0.1.4)
      unf_ext
    unf_ext (0.0.7.2)
    unicorn (4.8.3)
      kgio (~> 2.6)
      rack
      raindrops (~> 0.7)
    unicorn-rails (2.1.1)
      rack
      unicorn
    validate_url (1.0.0)
      activemodel (>= 3.0.0)
      addressable
    vcr (2.9.2)
    warden (1.2.6)
      rack (>= 1.0)
    webmock (1.18.0)
      addressable (>= 2.3.6)
      crack (>= 0.3.2)
    webrobots (0.1.1)
    websocket-driver (0.6.3)
      websocket-extensions (>= 0.1.0)
    websocket-extensions (0.1.2)
    xpath (2.0.0)
      nokogiri (~> 1.3)

PLATFORMS
  ruby

DEPENDENCIES
  action_plans (~> 4.3.0)
  activerecord-session_store
  advice_plans (~> 3.2.0)
  aes
  agreements (~> 2.1.0)
  autoprefixer-rails
  baby_cost_calculator (~> 0.3.0)
  better_errors
  binding_of_caller
  bowndler (~> 1.0)
  budget_planner (~> 4.2.0)
  bugsnag
  byebug
  capybara
  car_cost_tool (~> 1.1.0)
  chai-jquery-rails
  chronic
  codeclimate-test-reporter
  coffee-rails (~> 4.0.0)
  compass-rails
  contribution_calculator (~> 0.1.0)
  cost_calculator_builder (~> 0.2.0)
  cream (~> 0.3.0)
  csslint_ruby
  cucumber-rails
  cutback_calculator (~> 0.11.0)
  database_cleaner
  debt_advice_locator (~> 2.3.0)
  debt_and_mental_health (~> 1.1.0)
  debt_free_day_calculator (~> 2.2.0)
  debt_test (~> 1.5.0)
  decision_trees (~> 2.1.0)
  delayed_job_active_record
  devise (= 3.2.4)
  devise-encryptable
  dotenv-rails
  dough-ruby (~> 5.19.0)
  draper (< 3)
  ejs
  email_spec
  factory_girl
  faker
  faraday-conductivity
  faraday_middleware
  feature
  feedback (~> 0.4.0)
  foreman
  guard-rubocop
  html_validation
  jquery-rails
  jshint_ruby
  kss
  letter_opener
  link_header
  listen (~> 2.0)
  mail
  mailjet
  mas-assets!
  meta-tags!
  mortgage_calculator (~> 1.5.0)
  mysql2 (= 0.3.20)
  newrelic_rpm
  nokogiri
  nunes
  opening_hours
  payday_loans_intervention (~> 1.5.0)
  pensions_calculator (~> 1.2.0)
  poltergeist
  postcode_anywhere-email_validation
  pry-rails
  pry-rescue
  psych (>= 2.0.5)
  quiz (~> 1.1.0)!
  rack-livereload
  rails (= 4.1.8)
  redcarpet
  rio (= 1.7.1)!
  rouge
  rspec-html-matchers
  rspec-rails (~> 3.0)
  rspec_junit_formatter
  rubocop
  rubytree
  sass-rails (~> 4.0.0)
  savings_calculator (~> 1.6.0)
  sdoc
  shoulda-matchers
  site_prism
  sqlite3
  statsd-ruby
  syslog-logger
  tidy-html5!
  timecop
  timelines (~> 1.3.0)
  uglifier (>= 1.3.0)
  unicorn-rails
  validate_url (= 1.0.0)
  vcr
  webmock

BUNDLED WITH
   1.13.1
