GIT
  remote: git://github.com/moneyadviceservice/feature.git
  revision: 036ceab78e3fb34c76162ac90799f7d49e94d329
  specs:
    feature (1.1.0)

GIT
  remote: git://github.com/moneyadviceservice/tidy-html5-gem.git
  revision: 54b78c66e94b32ab73d9907508857f4ceee5e032
  specs:
    tidy-html5 (0.1.1)

GEM
  remote: https://rubygems.org/
  remote: http://gems.test.mas/
  specs:
    actionmailer (4.1.5)
      actionpack (= 4.1.5)
      actionview (= 4.1.5)
      mail (~> 2.5.4)
    actionpack (4.1.5)
      actionview (= 4.1.5)
      activesupport (= 4.1.5)
      rack (~> 1.5.2)
      rack-test (~> 0.6.2)
    actionview (4.1.5)
      activesupport (= 4.1.5)
      builder (~> 3.1)
      erubis (~> 2.7.0)
    active_attr (0.8.4)
      activemodel (>= 3.0.2, < 4.2)
      activesupport (>= 3.0.2, < 4.2)
    active_model_serializers (0.9.0)
      activemodel (>= 3.2)
    activemodel (4.1.5)
      activesupport (= 4.1.5)
      builder (~> 3.1)
    activerecord (4.1.5)
      activemodel (= 4.1.5)
      activesupport (= 4.1.5)
      arel (~> 5.0.0)
    activerecord-session_store (0.1.0)
      actionpack (>= 4.0.0, < 5)
      activerecord (>= 4.0.0, < 5)
      railties (>= 4.0.0, < 5)
    activesupport (4.1.5)
      i18n (~> 0.6, >= 0.6.9)
      json (~> 1.7, >= 1.7.7)
      minitest (~> 5.1)
      thread_safe (~> 0.1)
      tzinfo (~> 1.1)
    addressable (2.3.6)
    aes (0.5.0)
    angularjs-rails (1.2.26)
    arel (5.0.1.20140414130214)
    ast (2.0.0)
    astrolabe (1.3.0)
      parser (>= 2.2.0.pre.3, < 3.0)
    autoprefixer-rails (3.1.2.20141016)
      execjs
    bcrypt (3.1.7)
    better_errors (1.1.0)
      coderay (>= 1.0.0)
      erubis (>= 2.6.6)
    bigdecimal (1.2.5)
    binding_of_caller (0.7.2)
      debug_inspector (>= 0.0.1)
    bootstrap-sass (3.3.1.0)
      sass (~> 3.2)
    bowndler (1.0.2)
      thor
    budget_planner (4.0.0.671)
      bootstrap-sass
      coffee-rails
      i18n-js (= 3.0.0.mas)
      jquery-rails
      jquery-ui-rails (~> 4.0)
      js-routes
      mas-assets
      mas-feedback
      mas-mailer (~> 0.3)
      modernizr-rails (~> 2.6.2)
      rails (~> 4.0)
      sass-rails
      spreadsheet
      syslog-logger
      uglifier (>= 1.0.3)
    builder (3.2.2)
    byebug (2.7.0)
      columnize (~> 0.3)
      debugger-linecache (~> 1.2)
    capybara (2.4.1)
      mime-types (>= 1.16)
      nokogiri (>= 1.3.3)
      rack (>= 1.0.0)
      rack-test (>= 0.5.4)
      xpath (~> 2.0)
    capybara-screenshot (0.3.21)
      capybara (>= 1.0, < 3)
      colorize
      launchy
    car_cost_tool (1.0.3.94)
      dough-ruby
      font-awesome-rails (~> 4.1)
      nokogiri
      rails (~> 4.1)
      rest-client
      roo
      sass-rails (~> 4.0.3)
    celluloid (0.15.2)
      timers (~> 1.1.0)
    chai-jquery-rails (1.2.1)
      railties (>= 3.1)
      sprockets
    chronic (0.10.2)
    chunky_png (1.3.3)
    cliver (0.3.2)
    codeclimate-test-reporter (0.3.0)
      simplecov (>= 0.7.1, < 1.0.0)
    coderay (1.1.0)
    coffee-rails (4.0.1)
      coffee-script (>= 2.2.0)
      railties (>= 4.0.0, < 5.0)
    coffee-script (2.3.0)
      coffee-script-source
      execjs
    coffee-script-source (1.8.0)
    colorize (0.7.3)
    columnize (0.3.6)
    compass (0.12.2)
      chunky_png (~> 1.2)
      fssm (>= 0.2.7)
      sass (~> 3.1)
    compass-rails (2.0.0)
      compass (>= 0.12.2)
    crack (0.4.2)
      safe_yaml (~> 1.0.0)
    cream (0.0.3)
      faraday (~> 0.8.7)
      faraday_middleware (~> 0.9.0)
      hashie (~> 2.0.5)
      mechanize (= 2.5.1)
    css_parser (1.3.5)
      addressable
    csslint_ruby (0.0.2)
      execjs
    cucumber (1.3.16)
      builder (>= 2.1.2)
      diff-lcs (>= 1.1.3)
      gherkin (~> 2.12)
      multi_json (>= 1.7.5, < 2.0)
      multi_test (>= 0.1.1)
    cucumber-rails (1.4.1)
      capybara (>= 1.1.2, < 3)
      cucumber (>= 1.3.8, < 2)
      mime-types (~> 1.16)
      nokogiri (~> 1.5)
      rails (>= 3, < 5)
    database_cleaner (1.3.0)
    debt_advice_locator (2.0.2.64)
      active_attr (~> 0.8)
      active_model_serializers
      addressable
      bcrypt
      coffee-rails
      dough-ruby (~> 4.0)
      draper
      geokit-rails (= 2.0.1)
      kaminari
      mas-templating (~> 1.0.0)
      rails (~> 4.1.5)
      redcarpet
      sass (~> 3.2.0)
      validate_url
    debt_finance_calculator (1.0.0.6)
      bigdecimal (= 1.2.5)
    debt_free_day_calculator (2.0.1.130)
      autoprefixer-rails
      debt_finance_calculator
      dough-ruby (~> 4.0)
      draper (~> 1.3)
      email_validator (~> 1.4.0)
      i18n-js (= 3.0.0.mas)
      jquery-rails
      meta-tags
      rails (~> 4.1)
      roadie (~> 2.4.3)
    debug_inspector (0.0.2)
    debugger-linecache (1.2.0)
    delayed_job (4.0.4)
      activesupport (>= 3.0, < 4.2)
    delayed_job_active_record (4.0.2)
      activerecord (>= 3.0, < 4.2)
      delayed_job (>= 3.0, < 4.1)
    devise (3.2.4)
      bcrypt (~> 3.0)
      orm_adapter (~> 0.1)
      railties (>= 3.2.6, < 5)
      thread_safe (~> 0.1)
      warden (~> 1.2.3)
    devise-encryptable (0.2.0)
      devise (>= 2.1.0)
    diff-lcs (1.2.5)
    docile (1.1.3)
    domain_name (0.5.20)
      unf (>= 0.0.5, < 1.0.0)
    dotenv (0.10.0)
    dotenv-rails (0.10.0)
      dotenv (= 0.10.0)
    dough-ruby (4.0.0.222)
      activesupport
      rails (>= 3.2)
      sass-rails
    draper (1.3.1)
      actionpack (>= 3.0)
      activemodel (>= 3.0)
      activesupport (>= 3.0)
      request_store (~> 1.0.3)
    ejs (1.1.1)
    em-websocket (0.5.1)
      eventmachine (>= 0.12.9)
      http_parser.rb (~> 0.6.0)
    email_spec (1.6.0)
      launchy (~> 2.1)
      mail (~> 2.2)
    email_validator (1.4.0)
      activemodel
    erubis (2.7.0)
    eventmachine (1.0.3)
    execjs (2.2.2)
    factory_girl (4.4.0)
      activesupport (>= 3.0.0)
    faker (1.3.0)
      i18n (~> 0.5)
    faraday (0.8.9)
      multipart-post (~> 1.2.0)
    faraday-conductivity (0.3.0)
      faraday (~> 0.8)
    faraday_middleware (0.9.1)
      faraday (>= 0.7.4, < 0.10)
    ffi (1.9.3)
    font-awesome-rails (4.2.0.0)
      railties (>= 3.2, < 5.0)
    foreman (0.63.0)
      dotenv (>= 0.7)
      thor (>= 0.13.6)
    formatador (0.2.5)
    fssm (0.2.10)
    gaffe (1.0.1)
      rails (>= 3.2.0)
    geokit (1.9.0)
      multi_json (>= 1.3.2)
    geokit-rails (2.0.1)
      geokit (~> 1.5)
      rails (>= 3.0)
    gherkin (2.12.2)
      multi_json (~> 1.3)
    google-analytics-rails (0.0.6)
    guard (2.6.1)
      formatador (>= 0.2.4)
      listen (~> 2.7)
      lumberjack (~> 1.0)
      pry (>= 0.9.12)
      thor (>= 0.18.1)
    guard-bundler (2.0.0)
      bundler (~> 1.0)
      guard (~> 2.2)
    guard-cucumber (1.4.1)
      cucumber (>= 1.2.0)
      guard (>= 1.1.0)
    guard-livereload (2.2.0)
      em-websocket (~> 0.5)
      guard (~> 2.0)
      multi_json (~> 1.8)
    guard-rails (0.5.2)
      guard (~> 2.0)
    guard-rspec (4.2.10)
      guard (~> 2.1)
      rspec (>= 2.14, < 4.0)
    guard-rubocop (1.1.0)
      guard (~> 2.0)
      rubocop (~> 0.20)
    guard-sass (1.4.0)
      guard (>= 1.1.0)
      sass (>= 3.1)
    guard-shell (0.6.1)
      guard (>= 1.1.0)
    hashie (2.0.5)
    hike (1.2.3)
    html_validation (1.1.2)
    http_parser.rb (0.6.0)
    i18n (0.6.11)
    i18n-js (3.0.0.mas)
      i18n
    interception (0.5)
    jquery-rails (3.1.2)
      railties (>= 3.0, < 5.0)
      thor (>= 0.14, < 2.0)
    jquery-ui-rails (4.2.1)
      railties (>= 3.2.16)
    js-routes (0.9.9)
      railties (>= 3.2)
      sprockets-rails
    jshint_ruby (0.1)
      execjs
    json (1.8.1)
    kaminari (0.16.1)
      actionpack (>= 3.0.0)
      activesupport (>= 3.0.0)
    kgio (2.9.2)
    kramdown (1.5.0)
    kss (0.5.0)
    launchy (2.4.2)
      addressable (~> 2.3)
    letter_opener (1.2.0)
      launchy (~> 2.2)
    link_header (0.0.8)
    listen (2.7.8)
      celluloid (>= 0.15.2)
      rb-fsevent (>= 0.9.3)
      rb-inotify (>= 0.9)
    lumberjack (1.0.7)
    mail (2.5.4)
      mime-types (~> 1.16)
      treetop (~> 1.4.8)
    mailjet (1.0.0)
      activesupport (>= 3.1.0)
      rack (>= 1.4.0)
      rest-client
    mas-assets (1.1.0.30)
      compass-rails
      google-analytics-rails
      sass-rails
      susy
    mas-feedback (1.0.1.41)
      rails (>= 3.2.13)
      sass-rails
    mas-fonts (0.0.2.5)
      rails
    mas-frontend-helpers (0.0.1.9)
      actionpack
    mas-mailer (0.3.2.10)
      delayed_job_active_record
      hashie
    mas-templating (1.0.0.11)
    mastalk (0.2.1)
      kramdown (~> 1.5.0, >= 1.5.0)
    mechanize (2.5.1)
      domain_name (~> 0.5, >= 0.5.1)
      mime-types (~> 1.17, >= 1.17.2)
      net-http-digest_auth (~> 1.1, >= 1.1.1)
      net-http-persistent (~> 2.5, >= 2.5.2)
      nokogiri (~> 1.4)
      ntlm-http (~> 0.1, >= 0.1.1)
      webrobots (~> 0.0, >= 0.0.9)
    meta-tags (2.0.0)
      actionpack (>= 3.0.0)
    method_source (0.8.2)
    mime-types (1.25.1)
    mini_portile (0.6.0)
    minitest (5.4.3)
    modernizr-rails (2.6.3)
    mortgage_calculator (1.0.1.585)
      angularjs-rails (~> 1.2.18)
      dough-ruby (~> 4.0)
      jquery-rails
      mas-fonts
      modernizr-rails
      rails (~> 4.1)
      sass-rails (~> 4.0.3)
      underscore-rails
    multi_json (1.10.1)
    multi_test (0.1.1)
    multipart-post (1.2.0)
    mysql2 (0.3.15)
    net-http-digest_auth (1.4)
    net-http-persistent (2.9.4)
    netrc (0.7.7)
    newrelic_rpm (3.9.5.251)
    nokogiri (1.6.3.1)
      mini_portile (= 0.6.0)
    ntlm-http (0.1.1)
    nunes (0.3.1)
    opening_hours (0.0.7)
      activesupport
    orm_adapter (0.5.0)
    parser (2.2.0.pre.5)
      ast (>= 1.1, < 3.0)
      slop (~> 3.4, >= 3.4.5)
    pensions_calculator (0.2.0.512)
      autoprefixer-rails
      dough-ruby
      meta-tags
      rails (~> 4.1)
      sass-rails (~> 4.0.3)
      uglifier
    poltergeist (1.5.1)
      capybara (~> 2.1)
      cliver (~> 0.3.1)
      multi_json (~> 1.0)
      websocket-driver (>= 0.2.0)
    polyglot (0.3.5)
    powerpack (0.0.9)
    pry (0.10.1)
      coderay (~> 1.1.0)
      method_source (~> 0.8.1)
      slop (~> 3.4)
    pry-rails (0.3.2)
      pry (>= 0.9.10)
    pry-rescue (1.4.1)
      interception (>= 0.5)
      pry
    psych (2.0.5)
    rack (1.5.2)
    rack-livereload (0.3.15)
      rack
    rack-test (0.6.2)
      rack (>= 1.0)
    rails (4.1.5)
      actionmailer (= 4.1.5)
      actionpack (= 4.1.5)
      actionview (= 4.1.5)
      activemodel (= 4.1.5)
      activerecord (= 4.1.5)
      activesupport (= 4.1.5)
      bundler (>= 1.3.0, < 2.0)
      railties (= 4.1.5)
      sprockets-rails (~> 2.0)
    railties (4.1.5)
      actionpack (= 4.1.5)
      activesupport (= 4.1.5)
      rake (>= 0.8.7)
      thor (>= 0.18.1, < 2.0)
    rainbow (2.0.0)
    raindrops (0.13.0)
    rake (10.3.2)
    rb-fsevent (0.9.4)
    rb-inotify (0.9.5)
      ffi (>= 0.5.0)
    rdoc (4.1.1)
      json (~> 1.4)
    redcarpet (3.2.0)
    request_store (1.0.6)
    rest-client (1.7.2)
      mime-types (>= 1.16, < 3.0)
      netrc (~> 0.7)
    roadie (2.4.3)
      actionmailer (> 3.0.0, < 5.0.0)
      css_parser (~> 1.3.4)
      nokogiri (> 1.5.0)
      sprockets
    roo (1.13.2)
      nokogiri
      rubyzip
      spreadsheet (> 0.6.4)
    rouge (1.3.3)
    rspec (3.0.0)
      rspec-core (~> 3.0.0)
      rspec-expectations (~> 3.0.0)
      rspec-mocks (~> 3.0.0)
    rspec-core (3.0.4)
      rspec-support (~> 3.0.0)
    rspec-expectations (3.0.4)
      diff-lcs (>= 1.2.0, < 2.0)
      rspec-support (~> 3.0.0)
    rspec-mocks (3.0.4)
      rspec-support (~> 3.0.0)
    rspec-rails (3.0.2)
      actionpack (>= 3.0)
      activesupport (>= 3.0)
      railties (>= 3.0)
      rspec-core (~> 3.0.0)
      rspec-expectations (~> 3.0.0)
      rspec-mocks (~> 3.0.0)
      rspec-support (~> 3.0.0)
    rspec-support (3.0.4)
    rspec_junit_formatter (0.2.0)
      builder (< 4)
      rspec (>= 2, < 4)
      rspec-core (!= 2.12.0)
    rubocop (0.26.1)
      astrolabe (~> 1.3)
      parser (>= 2.2.0.pre.4, < 3.0)
      powerpack (~> 0.0.6)
      rainbow (>= 1.99.1, < 3.0)
      ruby-progressbar (~> 1.4)
    ruby-ole (1.2.11.7)
    ruby-progressbar (1.6.0)
    rubytree (0.9.3)
      json (~> 1.8)
      structured_warnings (~> 0.1)
    rubyzip (1.1.6)
    safe_yaml (1.0.3)
    sass (3.2.0)
    sass-rails (4.0.3)
      railties (>= 4.0.0, < 5.0)
      sass (~> 3.2.0)
      sprockets (~> 2.8, <= 2.11.0)
      sprockets-rails (~> 2.0)
    savings_calculator (1.0.0.129)
      autoprefixer-rails
      dough-ruby
      jquery-rails
      mas-fonts
      mas-frontend-helpers
      meta-tags
      rails (~> 4.1)
      sass-rails (~> 4.0.3)
    sdoc (0.4.0)
      json (~> 1.8)
      rdoc (~> 4.0, < 5.0)
    shoulda-matchers (2.6.2)
      activesupport (>= 3.0.0)
    simplecov (0.8.2)
      docile (~> 1.1.0)
      multi_json
      simplecov-html (~> 0.8.0)
    simplecov-html (0.8.0)
    site_prism (2.6)
      addressable (~> 2.3.3)
      capybara (>= 2.1, < 3.0)
    slop (3.6.0)
    spreadsheet (1.0.0)
      ruby-ole (>= 1.0)
    spring (1.1.3)
    spring-commands-cucumber (1.0.1)
      spring (>= 0.9.1)
    spring-commands-rspec (1.0.2)
      spring (>= 0.9.1)
    sprockets (2.11.0)
      hike (~> 1.2)
      multi_json (~> 1.0)
      rack (~> 1.0)
      tilt (~> 1.1, != 1.3.0)
    sprockets-rails (2.2.0)
      actionpack (>= 3.0)
      activesupport (>= 3.0)
      sprockets (>= 2.8, < 4.0)
    sqlite3 (1.3.9)
    statsd-ruby (1.2.1)
    structured_warnings (0.1.4)
    susy (1.0.9)
      compass (>= 0.12.2)
      sass (>= 3.2.0)
    syslog-logger (1.6.8)
    thor (0.19.1)
    thread_safe (0.3.4)
    tilt (1.4.1)
    timecop (0.7.1)
    timeliness (0.3.7)
    timers (1.1.0)
    treetop (1.4.15)
      polyglot
      polyglot (>= 0.3.1)
    tzinfo (1.2.2)
      thread_safe (~> 0.1)
    uglifier (2.5.3)
      execjs (>= 0.3.0)
      json (>= 1.8.0)
    underscore-rails (1.7.0)
    unf (0.1.4)
      unf_ext
    unf_ext (0.0.6)
    unicorn (4.8.3)
      kgio (~> 2.6)
      rack
      raindrops (~> 0.7)
    unicorn-rails (2.1.1)
      rack
      unicorn
    validate_url (1.0.0)
      activemodel (>= 3.0.0)
      addressable
    validates_timeliness (3.0.14)
      timeliness (~> 0.3.6)
    vcr (2.9.2)
    warden (1.2.3)
      rack (>= 1.0)
    webmock (1.18.0)
      addressable (>= 2.3.6)
      crack (>= 0.3.2)
    webrobots (0.1.1)
    websocket-driver (0.3.4)
    xpath (2.0.0)
      nokogiri (~> 1.3)

PLATFORMS
  ruby

DEPENDENCIES
  activerecord-session_store
  aes
  autoprefixer-rails
  better_errors
  binding_of_caller
  bowndler (~> 1.0)
  budget_planner (~> 4.0)
  byebug
  capybara
  capybara-screenshot
  car_cost_tool (~> 1.0.1)
  chai-jquery-rails
  chronic
  codeclimate-test-reporter
  coffee-rails (~> 4.0.0)
  compass-rails
  cream
  csslint_ruby
  cucumber-rails
  database_cleaner
  debt_advice_locator (~> 2.0)
  debt_free_day_calculator (~> 2.0)
  delayed_job_active_record
  devise
  devise-encryptable
  dotenv-rails
  dough-ruby (~> 4.0)
  draper (~> 1.3.0)
  ejs
  email_spec
  factory_girl
  faker
  faraday-conductivity
  faraday_middleware
  feature!
  foreman
  gaffe
  guard-bundler
  guard-cucumber
  guard-livereload
  guard-rails
  guard-rspec
  guard-rubocop
  guard-sass
  guard-shell
  html_validation
  jquery-rails
  jshint_ruby
  kss
  letter_opener
  link_header
  listen (~> 2.0)
  mail
  mailjet
  mastalk
  meta-tags
  mortgage_calculator (~> 1.0.0)
  mysql2
  newrelic_rpm
  nokogiri
  nunes
  opening_hours
  pensions_calculator (~> 0.2)
  poltergeist
  pry-rails
  pry-rescue
  psych (>= 2.0.5)
  rack-livereload
  rails (= 4.1.5)
  rouge
  rspec-rails (~> 3.0)
  rspec_junit_formatter
  rubocop
  rubytree
  sass-rails (~> 4.0.0)
  savings_calculator (~> 1.0.0)
  sdoc
  shoulda-matchers
  site_prism
  spring-commands-cucumber
  spring-commands-rspec
  sqlite3
  statsd-ruby
  syslog-logger
  tidy-html5!
  timecop
  uglifier (>= 1.3.0)
  unicorn-rails
  validates_timeliness
  vcr
  webmock
