GIT
  remote: git@github.com:chicks/aes.git
  revision: 0503a8ff65487c3ea7272ead4f7071139b736d44
  specs:
    aes (0.5.1)

GIT
  remote: git@github.com:moneyadviceservice/action_plans.git
  revision: dc8cb90cb54dd4f0dd529194c648e20491c1468c
  branch: feature/ntt_moneyhelper_reskin
  specs:
    action_plans (5.5.0)
      autoprefixer-rails
      dough-ruby (~> 5.0)
      draper
      hashie
      rails (>= 4, < 5)
      sass-rails

GIT
  remote: git@github.com:moneyadviceservice/azure-activedirectory-library-for-ruby
  revision: 26f534a42d516dcdd13fe7fc82149b6d4bc9bebb
  specs:
    adal (1.1.0)
      jwt (~> 1.5)
      nokogiri (~> 1.6)
      uri_template (~> 0.7)

GIT
  remote: git@github.com:moneyadviceservice/budget_planner.git
  revision: c00c2eb2d82c2e21462a712fce78baf87aada25d
  branch: feature/ntt_moneyhelper_reskin
  specs:
    budget_planner (5.7.1)
      i18n-js (= 3.0.0.mas)
      js-routes (= 1.1.2)
      mas-mailer (~> 0.3)
      modernizr-rails (~> 2.6.2)
      rails (>= 4, < 5)
      sass-rails
      spreadsheet

GIT
  remote: git@github.com:moneyadviceservice/car_cost_tool.git
  revision: f1cca83b81812281d00e6e879eebb730217a0572
  branch: feature/ntt_moneyhelper_reskin
  specs:
    car_cost_tool (1.5.1)
      dough-ruby (~> 5.36)
      nokogiri
      rails (>= 4, < 5)
      rest-client
      roo (< 2.5.0)
      roo-xls (<= 1)
      sass-rails

GIT
  remote: git@github.com:moneyadviceservice/cost_calculator_builder.git
  revision: 149ac07a602c683ac328b351d81a566bfd2d8471
  branch: feature/ntt-moneyhelper-reskin
  specs:
    cost_calculator_builder (1.1.0)
      bowndler
      dough-ruby (~> 5.36)
      friendly_id (>= 5.1.0)
      rails (>= 4, < 5)

GIT
  remote: git@github.com:moneyadviceservice/debt-advice-locator.git
  revision: 335d4883da0e4a9a800ac566b591cb11ecbb63ed
  branch: feature/ntt_moneyhelper_reskin
  specs:
    debt_advice_locator (3.14.0)
      active_attr
      active_model_serializers (< 0.10.0)
      addressable
      bcrypt
      coffee-rails
      dough-ruby (~> 5.36)
      draper (< 3)
      geokit-rails
      kaminari
      mas-templating (~> 1.0.0)
      rails (>= 4, < 5)
      redcarpet
      sass-rails (= 4.0.5)
      uk_postcode
      validate_url (= 1.0.0)

GIT
  remote: git@github.com:moneyadviceservice/debt_free_day_calculator
  revision: b61b40792d752dc72365969b8b119201b531583c
  branch: feature/ntt_moneyhelper_reskin
  specs:
    debt_free_day_calculator (3.1.0)
      autoprefixer-rails (< 9)
      bigdecimal (~> 1.3.0)
      debt_finance_calculator (~> 1.1.0)
      dough-ruby (~> 5.36)
      draper (< 3)
      email_validator (~> 1.4.0)
      i18n-js (= 3.0.0.mas)
      mas-fonts
      meta-tags
      rails (>= 4, < 5)
      roadie (< 3)
      sass-rails

GIT
  remote: git@github.com:moneyadviceservice/dough.git
  revision: a90d79da058eb43f95d6afb77325b22fed539f07
  ref: a90d79d
  branch: 11691_DAL_Current-location-warning-message_v5.41
  specs:
    dough-ruby (5.41.0)
      activemodel
      activesupport
      rails (>= 3.2, < 5.1.0)
      sass-rails

GIT
  remote: git@github.com:moneyadviceservice/mortgage_calculator.git
  revision: a536c691b1798f8ed8b4c9caf24dac083f0efa0e
  branch: feature/mortgage-calc-reskin
  specs:
    mortgage_calculator (3.15.0)
      angularjs-rails (~> 1.2.18)
      dough-ruby (~> 5.36)
      mas-fonts
      modernizr-rails
      rails (>= 4, < 5)
      sass-rails
      sprockets (< 4)
      underscore-rails

GIT
  remote: git@github.com:moneyadviceservice/pacs.git
  revision: 217b9dde4c3ff09e5c0595818719e5f0f8173e16
  branch: feature/ntt_moneyhelper_reskin
  specs:
    pacs (3.13.0)
      dough-ruby (~> 5.39)
      dry-struct
      dry-struct-setters
      dry-types
      faraday
      faraday-conductivity
      faraday_middleware
      meta-tags
      modernizr-rails (~> 2.6.2)
      mongoid
      rails (>= 4, < 5)

GIT
  remote: git@github.com:moneyadviceservice/pensions_calculator.git
  revision: 5d6aff91eb04dcf5c4c930949aab1796c2dac88f
  branch: feature/ntt-reskin-pensions-calc
  specs:
    pensions_calculator (2.6.1)
      autoprefixer-rails
      dough-ruby (~> 5.36)
      meta-tags
      pensions_calculator-calculations (~> 3.0.1)
      rails (>= 4, < 5)
      responders
      sass-rails
      uglifier

GIT
  remote: git@github.com:moneyadviceservice/savings_calculator.git
  revision: e5b8a9feee06e4066b7de1d58f04bfa864a1aa48
  branch: feature/ntt_moneyhelper_reskin_new
  specs:
    savings_calculator (1.10.2)
      autoprefixer-rails
      dough-ruby (~> 5.36)
      jquery-rails
      mas-fonts
      meta-tags
      rails (>= 4, < 5)
      sass-rails
      sprockets (< 4)

GIT
  remote: git@github.com:moneyadviceservice/timelines.git
  revision: b12461baad924eb0c6b897b235161d7c470eb368
  branch: feature/ntt_moneyhelper_reskin
  specs:
    timelines (1.7.1)
      bowndler
      icalendar
      jquery-rails
      mas-templating
      rails (>= 4, < 5)
      sass-rails

GIT
  remote: git@github.com:moneyadviceservice/universal_credit.git
  revision: 4da3e006437156281c5678d9f87cf94f852a24a7
  branch: feature/moneyhelper-reskin
  specs:
    universal_credit (4.1.1)
      autoprefixer-rails
      devise
      dough-ruby (~> 5.36)
      mas-cms-client (~> 1.1)
      meta-tags
      mysql2 (= 0.4.9)
      preamble
      rails (>= 4, < 5)
      redcarpet
      sass-rails
      uglifier

GIT
  remote: git@github.com:moneyadviceservice/wpcc.git
  revision: 3d1359ca85d05d977df6e48a26d194f2ee086f13
  branch: wpcc_calc_reskin
  specs:
    wpcc (2.8.3)
      dough-ruby (~> 5.38)
      meta-tags
      modernizr-rails (~> 2.6.2)
      rails (>= 4, < 5)

GIT
  remote: https://github.com/rails-lts/rack.git
  revision: de472597cac8f3f222e7b6e90a07c2b991704b01
  branch: lts-1-6-stable
  specs:
    rack (1.6.13)

GEM
  remote: https://rubygems.org/
  remote: https://gems.railslts.com/
  remote: http://gems.dev.mas.local/
  specs:
    actionmailer (4.2.11.17)
      actionpack (= 4.2.11.17)
      actionview (= 4.2.11.17)
      activejob (= 4.2.11.17)
      mail (~> 2.5, >= 2.5.4)
      rails-dom-testing (~> 1.0, >= 1.0.5)
    actionpack (4.2.11.17)
      actionview (= 4.2.11.17)
      activesupport (= 4.2.11.17)
      rack (~> 1.6)
      rack-test (~> 0.6.2)
      rails-dom-testing (~> 1.0, >= 1.0.5)
      rails-html-sanitizer (~> 1.0, >= 1.0.2)
    actionview (4.2.11.17)
      activesupport (= 4.2.11.17)
      builder (~> 3.1)
      erubis (~> 2.7.0)
      rails-dom-testing (~> 1.0, >= 1.0.5)
      rails-html-sanitizer (~> 1.0, >= 1.0.3)
    active_attr (0.15.1)
      actionpack (>= 3.0.2, < 6.2)
      activemodel (>= 3.0.2, < 6.2)
      activesupport (>= 3.0.2, < 6.2)
    active_model_serializers (0.9.8)
      activemodel (>= 3.2)
      concurrent-ruby (~> 1.0)
    activejob (4.2.11.17)
      activesupport (= 4.2.11.17)
      globalid (>= 0.3.0)
    activemodel (4.2.11.17)
      activesupport (= 4.2.11.17)
      builder (~> 3.1)
    activerecord (4.2.11.17)
      activemodel (= 4.2.11.17)
      activesupport (= 4.2.11.17)
      arel (~> 6.0)
    activerecord-session_store (1.1.3)
      actionpack (>= 4.0)
      activerecord (>= 4.0)
      multi_json (~> 1.11, >= 1.11.2)
      rack (>= 1.5.2, < 3)
      railties (>= 4.0)
    activesupport (4.2.11.17)
      i18n (~> 0.7)
      minitest (~> 5.1)
      thread_safe (~> 0.3, >= 0.3.4)
      tzinfo (~> 1.1)
    addressable (2.7.0)
      public_suffix (>= 2.0.2, < 5.0)
    advice_plans (4.1.1)
      dough-ruby (~> 5.36)
      friendly_id (>= 5.1.0)
      hashie
      i18n-js (= 3.0.0.mas)
      kaminari (>= 1.2.1)
      meta-tags
      rails (>= 4, < 5)
      redcarpet (~> 3.2.0)
      sass-rails
      transitions (~> 0.1.11)
    agreements (2.5.0)
      dough-ruby (~> 5.36)
      hashie (~> 2.0.5)
      meta-tags
      rails (>= 4, < 5)
      recaptcha
      sass-rails
    algoliasearch (1.27.5)
      httpclient (~> 2.8, >= 2.8.3)
      json (>= 1.5.1)
    angularjs-rails (1.2.26)
    arel (6.0.4)
    ast (2.4.1)
    attr_encrypted (3.1.0)
      encryptor (~> 3.0.0)
    autoprefixer-rails (8.6.5)
      execjs
    bcrypt (3.1.16)
    better_errors (2.9.1)
      coderay (>= 1.0.0)
      erubi (>= 1.0.0)
      rack (>= 0.9.0)
    bigdecimal (1.3.5)
    binding_of_caller (1.0.0)
      debug_inspector (>= 0.0.1)
    blind_index (0.2.0)
      activesupport (>= 4.2)
    bowndler (1.0.2)
      thor
    bson (4.11.1)
    bugsnag (6.19.0)
      concurrent-ruby (~> 1.0)
    builder (3.2.4)
    byebug (11.1.3)
    capybara (3.34.0)
      addressable
      mini_mime (>= 0.1.3)
      nokogiri (~> 1.8)
      rack (>= 1.6.0)
      rack-test (>= 0.6.3)
      regexp_parser (~> 1.5)
      xpath (~> 3.2)
    chai-jquery-rails (2.0.1)
      railties (>= 3.1)
      sprockets
    chronic (0.10.2)
    cliver (0.3.2)
    cocoon (1.2.15)
    codeclimate-test-reporter (0.6.0)
      simplecov (>= 0.7.1, < 1.0.0)
    coderay (1.1.3)
    coffee-rails (4.2.2)
      coffee-script (>= 2.2.0)
      railties (>= 4.0.0)
    coffee-script (2.4.1)
      coffee-script-source
      execjs
    coffee-script-source (1.12.2)
    concurrent-ruby (1.1.7)
    crack (0.4.5)
      rexml
    crass (1.0.6)
    cream (2.1.8)
      faraday (>= 0.9)
      faraday_middleware
    css_parser (1.3.7)
      addressable
    csslint_ruby (0.0.2)
      execjs
    cucumber (4.1.0)
      builder (~> 3.2, >= 3.2.3)
      cucumber-core (~> 7.1, >= 7.1.0)
      cucumber-create-meta (~> 1.0.0, >= 1.0.0)
      cucumber-cucumber-expressions (~> 10.1, >= 10.1.0)
      cucumber-gherkin (~> 14.0, >= 14.0.1)
      cucumber-html-formatter (~> 7.0, >= 7.0.0)
      cucumber-messages (~> 12.2, >= 12.2.0)
      cucumber-wire (~> 3.1, >= 3.1.0)
      diff-lcs (~> 1.3, >= 1.3, < 1.4)
      multi_test (~> 0.1, >= 0.1.2)
      sys-uname (~> 1.0, >= 1.0.2)
    cucumber-core (7.1.0)
      cucumber-gherkin (~> 14.0, >= 14.0.1)
      cucumber-messages (~> 12.2, >= 12.2.0)
      cucumber-tag-expressions (~> 2.0, >= 2.0.4)
    cucumber-create-meta (1.0.0)
      cucumber-messages (~> 12.2, >= 12.2.0)
      sys-uname (~> 1.2, >= 1.2.1)
    cucumber-cucumber-expressions (10.3.0)
    cucumber-gherkin (14.2.0)
      cucumber-messages (~> 12.4, >= 12.4.0)
    cucumber-html-formatter (7.2.0)
      cucumber-messages (~> 12.4, >= 12.4.0)
    cucumber-messages (12.4.0)
      protobuf-cucumber (~> 3.10, >= 3.10.8)
    cucumber-rails (2.1.0)
      capybara (>= 2.12, < 4)
      cucumber (>= 3.0.2, < 5)
      mime-types (>= 2.0, < 4)
      nokogiri (~> 1.8)
      rails (>= 4.2, < 7)
    cucumber-tag-expressions (2.0.4)
    cucumber-wire (3.1.0)
      cucumber-core (~> 7.1, >= 7.1.0)
      cucumber-cucumber-expressions (~> 10.1, >= 10.1.0)
      cucumber-messages (~> 12.2, >= 12.2.0)
    cutback_calculator (0.13.0)
      autoprefixer-rails
      dough-ruby (~> 5.0)
      meta-tags
      rails (>= 4, < 5)
      responders
      sass-rails
    database_cleaner (1.8.5)
    debt_and_mental_health (1.6.0)
      bcrypt
      dough-ruby (~> 5.36)
      haml-rails
      jbuilder
      rails (>= 4, < 5)
      ranked-model (<= 0.4.2)
      responders
      sass-rails
    debt_finance_calculator (1.1.0.8)
      bigdecimal (> 1.2.3)
    debt_test (1.9.0)
      autoprefixer-rails
      dough-ruby (~> 5.0)
      historyjs-rails
      jquery-rails
      rails (>= 4, < 5)
      sass-rails
    debug_inspector (1.0.0)
    decision_trees (2.3.0)
      dough-ruby (~> 5.36)
      handlebars_assets (~> 0.13.0)
      htmlentities
      i18n-js (= 3.0.0.mas)
      meta-tags
      nokogiri
      rails (>= 4, < 5)
      sass-rails (~> 4.0.5)
      sprockets-rails (~> 2.3.3)
    delayed_job (4.1.9)
      activesupport (>= 3.0, < 6.2)
    delayed_job_active_record (4.1.5)
      activerecord (>= 3.0, < 6.2)
      delayed_job (>= 3.0, < 5)
    devise (4.7.3)
      bcrypt (~> 3.0)
      orm_adapter (~> 0.1)
      railties (>= 4.1.0)
      responders
      warden (~> 1.2.3)
    devise-encryptable (0.2.0)
      devise (>= 2.1.0)
    diff-lcs (1.3)
    docile (1.3.5)
    domain_name (0.5.20190701)
      unf (>= 0.0.5, < 1.0.0)
    dotenv (2.7.6)
    dotenv-rails (2.7.6)
      dotenv (= 2.7.6)
      railties (>= 3.2)
    dragonfly (1.3.0)
      addressable (~> 2.3)
      multi_json (~> 1.0)
      rack (>= 1.3)
    draper (2.1.0)
      actionpack (>= 3.0)
      activemodel (>= 3.0)
      activesupport (>= 3.0)
      request_store (~> 1.0)
    dry-configurable (0.12.0)
      concurrent-ruby (~> 1.0)
      dry-core (~> 0.5, >= 0.5.0)
    dry-container (0.7.2)
      concurrent-ruby (~> 1.0)
      dry-configurable (~> 0.1, >= 0.1.3)
    dry-core (0.5.0)
      concurrent-ruby (~> 1.0)
    dry-equalizer (0.3.0)
    dry-inflector (0.2.0)
    dry-logic (1.1.0)
      concurrent-ruby (~> 1.0)
      dry-core (~> 0.5, >= 0.5)
    dry-struct (1.3.0)
      dry-core (~> 0.4, >= 0.4.4)
      dry-equalizer (~> 0.3)
      dry-types (~> 1.3)
      ice_nine (~> 0.11)
    dry-struct-setters (0.3.0)
      dry-struct (>= 1.0.0)
    dry-types (1.4.0)
      concurrent-ruby (~> 1.0)
      dry-container (~> 0.3)
      dry-core (~> 0.4, >= 0.4.4)
      dry-equalizer (~> 0.3)
      dry-inflector (~> 0.1, >= 0.1.2)
      dry-logic (~> 1.0, >= 1.0.2)
    ejs (1.1.1)
    email_spec (1.6.0)
      launchy (~> 2.1)
      mail (~> 2.2)
    email_validator (1.4.0)
      activemodel
    encryptor (3.0.0)
    erubi (1.10.0)
    erubis (2.7.0)
    execjs (2.7.0)
    factory_bot (5.2.0)
      activesupport (>= 4.2.0)
    faker (2.2.1)
      i18n (>= 0.8)
    faraday (0.9.2)
      multipart-post (>= 1.2, < 3)
    faraday-conductivity (0.3.1)
      faraday (~> 0.8)
    faraday_middleware (0.12.2)
      faraday (>= 0.7.4, < 1.0)
    feedback (0.5.1)
      delayed_job_active_record
      dough-ruby (~> 5.0)
      rails (>= 4, < 5)
    ffi (1.14.2)
    foreman (0.87.2)
    formtastic (2.3.1)
      actionpack (>= 3.0)
    formtastic-bootstrap (2.1.3)
      formtastic (~> 2.2)
    friendly_id (5.4.2)
      activerecord (>= 4.0.0)
    geokit (1.13.1)
    geokit-rails (2.3.2)
      geokit (~> 1.5)
      rails (>= 3.0)
    globalid (0.4.2)
      activesupport (>= 4.2.0)
    haml (5.2.1)
      temple (>= 0.8.0)
      tilt
    haml-rails (1.0.0)
      actionpack (>= 4.0.1)
      activesupport (>= 4.0.1)
      haml (>= 4.0.6, < 6.0)
      html2haml (>= 1.0.1)
      railties (>= 4.0.1)
    handlebars_assets (0.13.0)
      execjs (>= 1.2.9)
      sprockets (>= 2.0.3)
      tilt
    hashdiff (1.0.1)
    hashie (2.0.5)
    hike (1.2.3)
    historyjs-rails (1.0.1)
      railties (>= 3.0)
    html2haml (2.2.0)
      erubis (~> 2.7.0)
      haml (>= 4.0, < 6)
      nokogiri (>= 1.6.0)
      ruby_parser (~> 3.5)
    html_validation (1.1.5)
    htmlentities (4.3.4)
    http-accept (1.7.0)
    http-cookie (1.0.3)
      domain_name (~> 0.5)
    httpclient (2.8.3)
    i18n (0.9.5)
      concurrent-ruby (~> 1.0)
    i18n-js (3.0.0.mas)
      i18n
    icalendar (2.7.0)
      ice_cube (~> 0.16)
    ice_cube (0.16.3)
    ice_nine (0.11.2)
    interception (0.5)
    jbuilder (2.9.1)
      activesupport (>= 4.2.0)
    jquery-rails (4.4.0)
      rails-dom-testing (>= 1, < 3)
      railties (>= 4.2.0)
      thor (>= 0.14, < 2.0)
    js-routes (1.1.2)
      railties (>= 3.2)
      sprockets-rails
    jshint_ruby (0.1)
      execjs
    json (2.5.1)
    jwt (1.5.6)
    kaminari (1.2.1)
      activesupport (>= 4.1.0)
      kaminari-actionview (= 1.2.1)
      kaminari-activerecord (= 1.2.1)
      kaminari-core (= 1.2.1)
    kaminari-actionview (1.2.1)
      actionview
      kaminari-core (= 1.2.1)
    kaminari-activerecord (1.2.1)
      activerecord
      kaminari-core (= 1.2.1)
    kaminari-core (1.2.1)
    kgio (2.11.3)
    kss (0.5.0)
    launchy (2.5.0)
      addressable (~> 2.7)
    letter_opener (1.7.0)
      launchy (~> 2.2)
    link_header (0.0.8)
    loofah (2.9.0)
      crass (~> 1.0.2)
      nokogiri (>= 1.5.9)
    mail (2.7.1)
      mini_mime (>= 0.1.1)
    mailjet (1.5.4)
      activesupport (>= 3.1.0)
      rack (>= 1.4.0)
      rest-client
    mas-cms-client (1.20.1)
      activemodel (>= 4.2)
      activesupport (>= 4.2)
      faraday (~> 0.9.2)
      faraday-conductivity (~> 0.3.1)
      faraday_middleware (~> 0.12.2)
      rubytree (~> 1.0.0)
    mas-fonts (0.0.2.6)
      rails
    mas-mailer (0.3.2.15)
      delayed_job_active_record
      hashie
    mas-templating (1.0.0.18)
    meta-tags (2.14.0)
      actionpack (>= 3.2.0, < 6.2)
    method_source (1.0.0)
    middleware (0.1.0)
    mime-types (3.3.1)
      mime-types-data (~> 3.2015)
    mime-types-data (3.2020.1104)
    mini_mime (1.0.2)
    mini_portile2 (2.4.0)
    minitest (5.14.3)
    modernizr-rails (2.6.3)
    mongo (2.14.0)
      bson (>= 4.8.2, < 5.0.0)
    mongoid (5.4.1)
      activemodel (~> 4.0)
      mongo (>= 2.5.1, < 3.0.0)
      origin (~> 2.3)
      tzinfo (>= 0.3.37)
    multi_json (1.15.0)
    multi_test (0.1.2)
    multipart-post (2.1.1)
    mysql2 (0.4.9)
    netrc (0.11.0)
    newrelic_rpm (6.14.0)
    nokogiri (1.10.10)
      mini_portile2 (~> 2.4.0)
    nunes (0.5.0)
    opening_hours (0.0.7)
      activesupport
    origin (2.3.1)
    orm_adapter (0.5.0)
    parallel (1.20.1)
    parser (3.0.0.0)
      ast (~> 2.4.1)
    payday_loans_intervention (1.9.0)
      autoprefixer-rails
      dough-ruby (~> 5.0)
      historyjs-rails
      modernizr-rails
      rails (>= 4, < 5)
      sass-rails
    pensions_calculator-calculations (3.0.1)
      activesupport
    poltergeist (1.18.1)
      capybara (>= 2.1, < 4)
      cliver (~> 0.3.1)
      websocket-driver (>= 0.2.0)
    postcode_anywhere-email_validation (0.2.0)
      activemodel (~> 4.2)
      rest-client (~> 2.0)
    preamble (0.0.3)
      rspec
    protobuf-cucumber (3.10.8)
      activesupport (>= 3.2)
      middleware
      thor
      thread_safe
    pry (0.13.1)
      coderay (~> 1.1)
      method_source (~> 1.0)
    pry-byebug (3.9.0)
      byebug (~> 11.0)
      pry (~> 0.13.0)
    pry-rails (0.3.9)
      pry (>= 0.10.4)
    pry-rescue (1.5.2)
      interception (>= 0.5)
      pry (>= 0.12.0)
    psych (3.3.0)
    public_suffix (4.0.6)
    quiz (1.4.0)
      cocoon
      devise
      dragonfly (>= 1.0.0)
      formtastic-bootstrap (>= 2.1, < 3)
      friendly_id (>= 5.0)
      rails (>= 4, < 5)
    rack-accept (0.4.5)
      rack (>= 0.4)
    rack-livereload (0.3.17)
      rack
    rack-test (0.6.3)
      rack (>= 1.0)
    rails (4.2.11.17)
      actionmailer (= 4.2.11.17)
      actionpack (= 4.2.11.17)
      actionview (= 4.2.11.17)
      activejob (= 4.2.11.17)
      activemodel (= 4.2.11.17)
      activerecord (= 4.2.11.17)
      activesupport (= 4.2.11.17)
      bundler (>= 1.3.0, < 2.0)
      railslts-version (= 4.2.11.17)
      railties (= 4.2.11.17)
      sprockets-rails
    rails-deprecated_sanitizer (1.0.3)
      activesupport (>= 4.2.0.alpha)
    rails-dom-testing (1.0.9)
      activesupport (>= 4.2.0, < 5.0)
      nokogiri (~> 1.6)
      rails-deprecated_sanitizer (>= 1.0.1)
    rails-html-sanitizer (1.3.0)
      loofah (~> 2.3)
    railslts-version (4.2.11.17)
    railties (4.2.11.17)
      actionpack (= 4.2.11.17)
      activesupport (= 4.2.11.17)
      rake (>= 0.8.7)
      thor (>= 0.18.1, < 2.0)
    rainbow (3.0.0)
    raindrops (0.19.1)
    rake (13.0.3)
    ranked-model (0.4.2)
      activerecord (>= 4.1.16)
    rb-readline (0.5.5)
    rdoc (6.3.0)
    recaptcha (5.6.0)
      json
    redcarpet (3.2.3)
    regexp_parser (1.8.2)
    request_store (1.5.0)
      rack (>= 1.4)
    responders (2.4.1)
      actionpack (>= 4.2.0, < 6.0)
      railties (>= 4.2.0, < 6.0)
    rest-client (2.1.0)
      http-accept (>= 1.7.0, < 2.0)
      http-cookie (>= 1.0.2, < 2.0)
      mime-types (>= 1.16, < 4.0)
      netrc (~> 0.8)
    rexml (3.2.4)
    rio (2.2.1)
      bowndler
      dough-ruby (~> 5.36)
      pensions_calculator-calculations (~> 3.0.1)
      rails (>= 4, < 5)
    roadie (2.4.3)
      actionmailer (> 3.0.0, < 5.0.0)
      css_parser (~> 1.3.4)
      nokogiri (> 1.5.0)
      sprockets
    roo (2.4.0)
      nokogiri (~> 1)
      rubyzip (~> 1.1, < 2.0.0)
    roo-xls (1.0.0)
      nokogiri
      roo (>= 2.0.0beta1, < 3)
      spreadsheet (> 0.9.0)
    rouge (3.26.0)
    rspec (3.10.0)
      rspec-core (~> 3.10.0)
      rspec-expectations (~> 3.10.0)
      rspec-mocks (~> 3.10.0)
    rspec-core (3.10.1)
      rspec-support (~> 3.10.0)
    rspec-expectations (3.10.1)
      diff-lcs (>= 1.2.0, < 2.0)
      rspec-support (~> 3.10.0)
    rspec-html-matchers (0.9.4)
      nokogiri (~> 1)
      rspec (>= 3.0.0.a, < 4)
    rspec-mocks (3.10.1)
      diff-lcs (>= 1.2.0, < 2.0)
      rspec-support (~> 3.10.0)
    rspec-rails (4.0.2)
      actionpack (>= 4.2)
      activesupport (>= 4.2)
      railties (>= 4.2)
      rspec-core (~> 3.10)
      rspec-expectations (~> 3.10)
      rspec-mocks (~> 3.10)
      rspec-support (~> 3.10)
    rspec-support (3.10.1)
    rspec_junit_formatter (0.4.1)
      rspec-core (>= 2, < 4, != 2.12.0)
    rubocop (1.8.1)
      parallel (~> 1.10)
      parser (>= 3.0.0.0)
      rainbow (>= 2.2.2, < 4.0)
      regexp_parser (>= 1.8, < 3.0)
      rexml
      rubocop-ast (>= 1.2.0, < 2.0)
      ruby-progressbar (~> 1.7)
      unicode-display_width (>= 1.4.0, < 3.0)
    rubocop-ast (1.4.0)
      parser (>= 2.7.1.5)
    ruby-ole (1.2.12.2)
    ruby-progressbar (1.11.0)
    ruby_parser (3.15.1)
      sexp_processor (~> 4.9)
    rubytree (1.0.0)
      json (~> 2.1)
      structured_warnings (~> 0.3)
    rubyzip (1.3.0)
    sass (3.2.19)
    sass-rails (4.0.5)
      railties (>= 4.0.0, < 5.0)
      sass (~> 3.2.2)
      sprockets (~> 2.8, < 3.0)
      sprockets-rails (~> 2.0)
    sdoc (2.0.3)
      rdoc (>= 5.0)
    sexp_processor (4.15.2)
    shoulda-matchers (4.5.0)
      activesupport (>= 4.2.0)
    simplecov (0.21.2)
      docile (~> 1.1)
      simplecov-html (~> 0.11)
      simplecov_json_formatter (~> 0.1)
    simplecov-html (0.12.3)
    simplecov_json_formatter (0.1.2)
    site_prism (3.7)
      addressable (~> 2.5)
      capybara (~> 3.8)
      site_prism-all_there (>= 0.3.1, < 1.0)
    site_prism-all_there (0.3.2)
    site_search (0.3.0)
      algoliasearch
    spreadsheet (1.2.6)
      ruby-ole (>= 1.0)
    sprockets (2.12.5)
      hike (~> 1.2)
      multi_json (~> 1.0)
      rack (~> 1.0)
      tilt (~> 1.1, != 1.3.0)
    sprockets-rails (2.3.3)
      actionpack (>= 3.0)
      activesupport (>= 3.0)
      sprockets (>= 2.8, < 4.0)
    sqlite3 (1.3.13)
    statsd-ruby (1.5.0)
    structured_warnings (0.4.0)
    sucker_punch (2.1.2)
      concurrent-ruby (~> 1.0)
    sys-uname (1.2.2)
      ffi (~> 1.1)
    syslog-logger (1.6.8)
    temple (0.8.2)
    thor (1.0.1)
    thread_safe (0.3.6)
    tidy-html5 (0.1.2)
    tilt (1.4.1)
    timecop (0.9.2)
    transitions (0.1.13)
    turnout (2.5.0)
      i18n (>= 0.7, < 2)
      rack (>= 1.3, < 3)
      rack-accept (~> 0.4)
      tilt (>= 1.4, < 3)
    tzinfo (1.2.9)
      thread_safe (~> 0.1)
    uglifier (4.2.0)
      execjs (>= 0.3.0, < 3)
    uk_postcode (2.1.6)
    underscore-rails (1.8.3)
    unf (0.1.4)
      unf_ext
    unf_ext (0.0.7.7)
    unicode-display_width (2.0.0)
    unicorn (5.8.0)
      kgio (~> 2.6)
      raindrops (~> 0.7)
    unicorn-rails (2.2.1)
      rack
      unicorn
    uri_template (0.7.0)
    validate_url (1.0.0)
      activemodel (>= 3.0.0)
      addressable
    vcr (6.0.0)
    warden (1.2.7)
      rack (>= 1.0)
    webmock (3.11.1)
      addressable (>= 2.3.6)
      crack (>= 0.3.2)
      hashdiff (>= 0.4.0, < 2.0.0)
    websocket-driver (0.7.3)
      websocket-extensions (>= 0.1.0)
    websocket-extensions (0.1.5)
    whenever (1.0.0)
      chronic (>= 0.6.3)
    xpath (3.2.0)
      nokogiri (~> 1.8)

PLATFORMS
  ruby
  x86_64-darwin-20

DEPENDENCIES
  action_plans!
  actionmailer!
  actionpack!
  actionview!
  activejob!
  activemodel!
  activerecord!
  activerecord-session_store
  activesupport!
  adal!
  advice_plans (~> 4.1.1)
  aes!
  agreements (~> 2.5.0)
  algoliasearch
  attr_encrypted (~> 3.1)
  autoprefixer-rails
  better_errors
  binding_of_caller
  blind_index (= 0.2.0)
  bowndler (~> 1.0)
  budget_planner!
  bugsnag
  byebug
  capybara
  car_cost_tool!
  chai-jquery-rails
  chronic
  codeclimate-test-reporter (= 0.6.0)
  cost_calculator_builder!
  cream (= 2.1.8)
  csslint_ruby
  cucumber-rails (~> 2.1.0)
  cutback_calculator (~> 0.13.0)
  database_cleaner
  debt_advice_locator!
  debt_and_mental_health (~> 1.6.0)
  debt_free_day_calculator!
  debt_test (~> 1.9.0)
  decision_trees (~> 2.3.0)
  delayed_job_active_record
  devise (~> 4.7.1)
  devise-encryptable
  dotenv
  dotenv-rails
  dough-ruby!
  draper (< 3)
  ejs
  email_spec (< 2)
  factory_bot
  faker
  faraday (= 0.9.2)
  faraday-conductivity
  faraday_middleware
  feedback (~> 0.5.1)
  foreman
  html_validation
  jshint_ruby
  kss
  letter_opener
  link_header
  mail
  mailjet
  mas-cms-client (= 1.20.1)
  meta-tags (~> 2.4)
  mortgage_calculator!
  mysql2 (= 0.4.9)
  newrelic_rpm
  nokogiri (~> 1.10.3)
  nunes
  opening_hours
  pacs!
  payday_loans_intervention (~> 1.9.0)
  pensions_calculator!
  poltergeist
  postcode_anywhere-email_validation (~> 0.2.0)
  pry-byebug
  pry-rails
  pry-rescue
  psych (>= 2.0.5)
  quiz (~> 1.4.0)!
  rack!
  rack-livereload
  rails (~> 4.2.11)!
  railslts-version!
  railties!
  rb-readline
  recaptcha
  redcarpet
  rest-client (~> 2.0)
  rio (~> 2.2.1)!
  rouge
  rspec-html-matchers
  rspec-rails
  rspec_junit_formatter
  rubocop
  rubytree (~> 1)
  sass-rails
  savings_calculator!
  sdoc
  shoulda-matchers
  site_prism
  site_search (= 0.3.0)
  sqlite3 (~> 1.3.6)
  statsd-ruby
  sucker_punch
  syslog-logger
  tidy-html5
  timecop
  timelines!
  turnout
  uglifier
  unicorn-rails
  universal_credit!
  vcr
  webmock
  websocket-extensions (>= 0.1.5)
  whenever
  wpcc!

BUNDLED WITH
   1.17.3
